GIT
  remote: git://github.com/dce/paperclip-meta.git
  revision: 662e49a3b38ebfb43fb7ae2c70d650ed1ee0aba2
  specs:
    paperclip-meta (0.4.1)
      paperclip

GIT
  remote: git://github.com/nabeta/enju_barcode.git
  revision: ba8d1ec303f383f8319f364314f9a9eff45aa2ce
  specs:
    enju_barcode (0.0.2)
      barby (~> 0.5)
      cancan
      devise
      rails (~> 3.2)
      rqrcode
      will_paginate

GIT
  remote: git://github.com/nabeta/enju_book_jacket.git
  revision: 37101695b2c1798f6708642b61e52b773c7468ab
  specs:
    enju_book_jacket (0.0.1)
      configatron
      rails (~> 3.2)

GIT
  remote: git://github.com/nabeta/enju_bookmark.git
  revision: 129b21d223984d9b862f466a263dfb4fa3687f7c
  specs:
    enju_bookmark (0.0.8)
      acts-as-taggable-on (~> 2.2)
      acts_as_list (~> 0.1.5)
      addressable
      attribute_normalizer (~> 1.1)
      cancan
      devise
      friendly_id (~> 4.0)
      rails (~> 3.2)
      state_machine
      sunspot_rails
      sunspot_solr
      will_paginate (~> 3.0)

GIT
  remote: git://github.com/nabeta/enju_circulation.git
  revision: 50d91124091562f4497ab1a866cd6b4952945d8f
  specs:
    enju_circulation (0.0.27)
      acts_as_list (~> 0.1.5)
      attribute_normalizer (~> 1.1)
      cancan
      devise
      enju_event (>= 0.0.12)
      enju_message (~> 0.0.13)
      friendly_id (~> 4.0)
      inherited_resources
      rails (~> 3.2)
      simple_form
      state_machine
      sunspot_rails
      sunspot_solr
      validates_timeliness
      will_paginate (~> 3.0)

GIT
  remote: git://github.com/nabeta/enju_event.git
  revision: 93e3c3f3a468b9d8902b236b0c980834b0a7e4a2
  specs:
    enju_event (0.1.3)
      acts_as_list (~> 0.1.5)
      addressable
      attribute_normalizer (~> 1.1)
      cancan
      configatron
      devise
      enju_message (~> 0.0.13)
      event-calendar (~> 2.3.3)
      friendly_id (~> 4.0)
      has_scope
      inherited_resources
      paperclip (~> 3.0)
      rails (~> 3.2)
      simple_form
      state_machine
      sunspot_rails
      sunspot_solr
      will_paginate (~> 3.0)

GIT
  remote: git://github.com/nabeta/enju_inter_library_loan.git
  revision: d6e83416b8287b849d4ad45cc0c97e405cfc585f
  specs:
    enju_inter_library_loan (0.0.2)
      acts_as_list (~> 0.1.5)
      addressable
      attribute_normalizer (~> 1.1)
      cancan
      devise
      friendly_id (~> 4.0)
      rails (~> 3.2)
      state_machine
      sunspot_rails
      sunspot_solr
      will_paginate

GIT
  remote: git://github.com/nabeta/enju_inventory.git
  revision: 03b2d6cc50505273505c7785ca76344991dddd4a
  specs:
    enju_inventory (0.1.1)
      cancan
      devise
      inherited_resources
      paperclip (~> 3.0)
      rails (~> 3.2)
      sunspot_rails
      sunspot_solr
      will_paginate

GIT
  remote: git://github.com/nabeta/enju_manifestation_viewer.git
  revision: 63cddc5dbd2865cec4bb571700a5b0880d42128f
  specs:
    enju_manifestation_viewer (0.0.1)
      addressable
      rails (~> 3.2)

GIT
  remote: git://github.com/nabeta/enju_message.git
  revision: 701514d610d585f7762e1e4336e53c8a7efd3f9c
  specs:
    enju_message (0.0.15)
      acts_as_list (~> 0.1.5)
      addressable
      attribute_normalizer (~> 1.1)
      awesome_nested_set (~> 2.1)
      cancan
      configatron
      delayed_job_active_record
      devise
      friendly_id (~> 4.0)
      inherited_resources
      rails (~> 3.2)
      simple_form
      state_machine
      sunspot_rails
      sunspot_solr
      will_paginate (~> 3.0)

GIT
  remote: git://github.com/nabeta/enju_ndl.git
  revision: baa22eea95a10231a32691b164d1340689a09484
  specs:
    enju_ndl (0.0.20)
      acts_as_list
      attribute_normalizer
      devise
      enju_subject
      library_stdnums
      nokogiri
      rails (~> 3.2)
      sunspot_rails
      sunspot_solr
      will_paginate (~> 3.0)

GIT
  remote: git://github.com/nabeta/enju_oai.git
  revision: 9edb21b36a3281676278ea1e59855354e4f47142
  specs:
    enju_oai (0.0.1)
      rails (~> 3.2)

GIT
  remote: git://github.com/nabeta/enju_purchase_request.git
  revision: 99d5a2f2cc1d079974a7827fd8fbf6a4eb95569e
  specs:
    enju_purchase_request (0.0.7)
      acts_as_list (~> 0.1.5)
      addressable
      attribute_normalizer (~> 1.1)
      cancan
      configatron
      devise
      rails (~> 3.2)
      state_machine
      sunspot_rails
      sunspot_solr
      will_paginate (~> 3.0)

GIT
  remote: git://github.com/nabeta/enju_question.git
  revision: 4112d7a5e87815423d6f5ba2b0a790b8604d2c87
  specs:
    enju_question (0.0.12)
      acts-as-taggable-on (~> 2.2)
      acts_as_list (~> 0.1.5)
      cancan
      devise
      enju_ndl (~> 0.0.19)
      friendly_id (~> 4.0)
      nokogiri
      rails (~> 3.2)
      simple_form
      sunspot_rails
      sunspot_solr
      will_paginate (~> 3.0)

GIT
  remote: git://github.com/nabeta/enju_resource_merge.git
  revision: bef91c2d5dea8b7cf2cbcbea36055e2c106cdf37
  specs:
    enju_resource_merge (0.0.6)
      acts_as_list (~> 0.1.5)
      attribute_normalizer (~> 1.1)
      cancan
      devise
      dynamic_form
      inherited_resources
      rails (~> 3.2)
      sunspot_rails
      sunspot_solr
      will_paginate (~> 3.0)

GIT
  remote: git://github.com/nabeta/enju_search_log.git
  revision: a6bd2e4e407407b7488a9e16e9d965f10338c240
  specs:
    enju_search_log (0.0.3)
      cancan
      devise
      rails (~> 3.2)
      will_paginate

GIT
  remote: git://github.com/nabeta/enju_subject.git
  revision: 7469a23404d652d9b66bbab02caedd0c204aa84a
  specs:
    enju_subject (0.0.11)
      acts_as_list (~> 0.1.5)
      attribute_normalizer (~> 1.1)
      cancan
      devise
      dynamic_form
      friendly_id (~> 4.0)
      inherited_resources
      rails (~> 3.2)
      sunspot_rails
      sunspot_solr
      will_paginate (~> 3.0)

GIT
  remote: git://github.com/nabeta/isbn-tools.git
  revision: 05e31384f167aa7d1e560f76c1c3faf104d64709
  specs:
    isbn-tools (0.2.0)

GIT
  remote: git://github.com/nabeta/sunspot-rails-tester.git
  revision: 733d46622fd4080836ee688f00acdd2b77395af9
  specs:
    sunspot-rails-tester (0.0.4)
      sunspot_rails
      sunspot_solr

GEM
  remote: https://rubygems.org/
  specs:
    RedCloth (4.2.9)
    actionmailer (3.2.3)
      actionpack (= 3.2.3)
      mail (~> 2.4.4)
    actionpack (3.2.3)
      activemodel (= 3.2.3)
      activesupport (= 3.2.3)
      builder (~> 3.0.0)
      erubis (~> 2.7.0)
      journey (~> 1.0.1)
      rack (~> 1.4.0)
      rack-cache (~> 1.2)
      rack-test (~> 0.6.1)
      sprockets (~> 2.1.2)
    activemodel (3.2.3)
      activesupport (= 3.2.3)
      builder (~> 3.0.0)
    activerecord (3.2.3)
      activemodel (= 3.2.3)
      activesupport (= 3.2.3)
      arel (~> 3.0.2)
      tzinfo (~> 0.3.29)
    activeresource (3.2.3)
      activemodel (= 3.2.3)
      activesupport (= 3.2.3)
    activesupport (3.2.3)
      i18n (~> 0.6)
      multi_json (~> 1.0)
    acts-as-taggable-on (2.2.2)
      rails (~> 3.0)
    acts_as_list (0.1.6)
    addressable (2.2.7)
    annotate (2.4.1.beta1)
    arel (3.0.2)
    astrails-safe (0.2.7)
      aws-s3
      cloudfiles
      net-sftp
    attribute_normalizer (1.1.0)
    awesome_nested_set (2.1.3)
      activerecord (>= 3.0.0)
    aws-s3 (0.6.2)
      builder
      mime-types
      xml-simple
    aws-sdk (1.4.1)
      httparty (~> 0.7)
      json (~> 1.4)
      nokogiri (>= 1.4.4)
      uuidtools (~> 2.1)
    barby (0.5.0)
    bcrypt-ruby (3.0.1)
    builder (3.0.0)
    cancan (1.6.7)
    capybara (1.1.2)
      mime-types (>= 1.16)
      nokogiri (>= 1.3.3)
      rack (>= 1.0.0)
      rack-test (>= 0.5.4)
      selenium-webdriver (~> 2.0)
      xpath (~> 0.1.4)
    childprocess (0.3.2)
      ffi (~> 1.0.6)
    chronic (0.6.7)
    client_side_validations (3.2.0.beta.3)
    cloudfiles (1.5.0.1)
      json
    cocaine (0.2.1)
    coffee-rails (3.2.2)
      coffee-script (>= 2.2.0)
      railties (~> 3.2.0)
    coffee-script (2.2.0)
      coffee-script-source
      execjs
    coffee-script-source (1.3.1)
    configatron (2.9.1)
      yamler (>= 0.1.0)
    daemons (1.1.8)
    dalli (2.0.3)
    delayed_job (3.0.2)
      activesupport (~> 3.0)
    delayed_job_active_record (0.3.2)
      activerecord (> 2.1.0)
      delayed_job (~> 3.0.0)
    devise (2.1.0.rc)
      bcrypt-ruby (~> 3.0)
      orm_adapter (~> 0.0.3)
      railties (~> 3.1)
      warden (~> 1.1.1)
    diff-lcs (1.1.3)
    dynamic_form (1.1.4)
    erubis (2.7.0)
    event-calendar (2.3.3)
    exception_notification (2.6.0)
      actionmailer (>= 3.0.4)
    execjs (1.3.0)
      multi_json (~> 1.0)
    factory_girl (3.1.1)
      activesupport (>= 3.0.0)
    factory_girl_rails (3.1.0)
      factory_girl (~> 3.1.0)
      railties (>= 3.0.0)
    fakeweb (1.3.0)
    fattr (2.2.1)
    ffi (1.0.11)
    file_wrapper (0.4.1)
    friendly_id (4.0.4)
    geocoder (1.1.1)
    guard (1.0.1)
      ffi (>= 0.5.0)
      thor (~> 0.14.6)
    guard-rspec (0.7.0)
      guard (>= 0.10.0)
    has_scope (0.5.1)
    highline (1.6.11)
    hike (1.2.1)
    httparty (0.8.2)
      multi_json
      multi_xml
    i18n (0.6.0)
    inherited_resources (1.3.1)
      has_scope (~> 0.5.0)
      responders (~> 0.6)
    journey (1.0.3)
    jquery-rails (2.0.2)
      railties (>= 3.2.0, < 5.0)
      thor (~> 0.14)
    json (1.6.6)
    kgio (2.7.4)
    library_stdnums (1.1.0)
    libwebsocket (0.1.3)
      addressable
    mail (2.4.4)
      i18n (>= 0.4.0)
      mime-types (~> 1.16)
      treetop (~> 1.4.8)
    marc (0.4.4)
    mime-types (1.18)
    mobile-fu (1.0.0)
      rack-mobile-detect
      rails
    multi_json (1.3.2)
    multi_xml (0.4.4)
    net-sftp (2.0.5)
      net-ssh (>= 2.0.9)
    net-ssh (2.3.0)
    nokogiri (1.5.2)
    options (2.3.0)
      fattr
    orm_adapter (0.0.7)
    paper_trail (2.6.3)
      activerecord (~> 3.0)
      railties (~> 3.0)
    paperclip (3.0.2)
      activemodel (>= 3.0.0)
      activerecord (>= 3.0.0)
      activesupport (>= 3.0.0)
      cocaine (>= 0.0.2)
      mime-types
    parallel (0.5.16)
    parallel_tests (0.7.4)
      parallel
    pg (0.13.2)
    polyglot (0.3.3)
    pr_geohash (1.0.0)
    progress_bar (0.4.0)
      highline (~> 1.6.1)
      options (~> 2.3.0)
    rack (1.4.1)
    rack-cache (1.2)
      rack (>= 0.4)
    rack-mobile-detect (0.3.0)
      rack
    rack-protection (1.2.0)
      rack
    rack-ssl (1.3.2)
      rack
    rack-test (0.6.1)
      rack (>= 1.0)
    rails (3.2.3)
      actionmailer (= 3.2.3)
      actionpack (= 3.2.3)
      activerecord (= 3.2.3)
      activeresource (= 3.2.3)
      activesupport (= 3.2.3)
      bundler (~> 1.0)
      railties (= 3.2.3)
    rails_autolink (1.0.6)
      rails (~> 3.1)
    railties (3.2.3)
      actionpack (= 3.2.3)
      activesupport (= 3.2.3)
      rack-ssl (~> 1.3.2)
      rake (>= 0.8.7)
      rdoc (~> 3.4)
      thor (~> 0.14.6)
    rake (0.9.2.2)
    rdoc (3.12)
      json (~> 1.4)
    responders (0.9.1)
      railties (~> 3.1)
    ri_cal (0.8.8)
    rqrcode (0.4.2)
    rsolr (1.0.7)
      builder (>= 2.1.2)
    rspec (2.9.0)
      rspec-core (~> 2.9.0)
      rspec-expectations (~> 2.9.0)
      rspec-mocks (~> 2.9.0)
    rspec-core (2.9.0)
    rspec-expectations (2.9.1)
      diff-lcs (~> 1.1.3)
    rspec-mocks (2.9.0)
    rspec-rails (2.9.0)
      actionpack (>= 3.0)
      activesupport (>= 3.0)
      railties (>= 3.0)
      rspec (~> 2.9.0)
    ruby-prof (0.10.8)
    rubyzip (0.9.7)
    sanitize (2.0.3)
      nokogiri (>= 1.4.4, < 1.6)
    sass (3.1.15)
    sass-rails (3.2.5)
      railties (~> 3.2.0)
      sass (>= 3.1.10)
      tilt (~> 1.3)
    selenium-webdriver (2.21.2)
      childprocess (>= 0.2.5)
      ffi (~> 1.0)
      libwebsocket (~> 0.1.3)
      multi_json (~> 1.0)
      rubyzip
    simple_form (2.0.1)
      actionpack (~> 3.0)
      activemodel (~> 3.0)
    simplecov (0.6.2)
      multi_json (~> 1.3)
      simplecov-html (~> 0.5.3)
    simplecov-html (0.5.3)
    sitemap_generator (3.1.1)
      builder
    spork (1.0.0rc2)
    spork-rails (3.2.0)
      rails (>= 3.0.0, < 3.3.0)
      spork (>= 1.0rc0)
    sprockets (2.1.2)
      hike (~> 1.2)
      rack (~> 1.0)
      tilt (~> 1.1, != 1.3.0)
    state_machine (1.1.2)
    steak (2.0.0)
      capybara (>= 1.0.0)
      rspec-rails (>= 2.5.0)
    sunspot (2.0.0.pre.120417)
      pr_geohash (~> 1.0)
      rsolr (~> 1.0.7)
    sunspot_rails (2.0.0.pre.120417)
      nokogiri
      sunspot (= 2.0.0.pre.120417)
    sunspot_solr (2.0.0.pre.120417)
    thor (0.14.6)
    tilt (1.3.3)
    timecop (0.3.5)
    timeliness (0.3.6)
    treetop (1.4.10)
      polyglot
      polyglot (>= 0.3.1)
    tzinfo (0.3.33)
    uglifier (1.2.4)
      execjs (>= 0.3.0)
      multi_json (>= 1.0.2)
    uuidtools (2.1.2)
    validates_timeliness (3.0.11)
      timeliness (~> 0.3.6)
    vcr (2.1.0)
    warden (1.1.1)
      rack (>= 1.0)
    whenever (0.7.3)
      activesupport (>= 2.3.4)
      chronic (~> 0.6.3)
    will_paginate (3.0.3)
    xml-simple (1.1.1)
    xpath (0.1.4)
      nokogiri (~> 1.3)
    yamler (0.1.0)
    zipruby (0.3.6)

PLATFORMS
  ruby

DEPENDENCIES
  RedCloth (>= 4.2.9)
  activerecord-jdbc-adapter
  acts_as_list (~> 0.1.5)
  addressable
  annotate (~> 2.4.1.beta1)
  astrails-safe
  attribute_normalizer (~> 1.1)
  awesome_nested_set (~> 2.1)
  aws-sdk (~> 1.4)
  cancan (>= 1.6.7)
  client_side_validations (~> 3.2.0.beta.3)
  coffee-rails (~> 3.2.1)
  configatron
  daemons
  dalli (~> 2.0)
  delayed_job_active_record
  devise (~> 2.1.0.rc)
  dynamic_form
  enju_barcode!
  enju_book_jacket!
  enju_bookmark!
  enju_circulation!
  enju_event!
  enju_inter_library_loan!
  enju_inventory!
  enju_manifestation_viewer!
  enju_message!
  enju_ndl!
  enju_oai!
  enju_purchase_request!
  enju_question!
  enju_resource_merge!
  enju_search_log!
  enju_subject!
  exception_notification (~> 2.6)
  factory_girl_rails (~> 3.1)
  fakeweb
  file_wrapper
  friendly_id (~> 4.0)
  geocoder
  glassfish
  guard-rspec
  has_scope
  inherited_resources (~> 1.3)
  isbn-tools!
  jdbc-postgres
  jquery-rails
  jruby-openssl
  kgio
  library_stdnums
  marc
  mobile-fu
  paper_trail (~> 2.6)
  paperclip (~> 3.0)
  paperclip-meta!
  parallel_tests (~> 0.7)
  pg
  progress_bar
  rack-protection
  rails (= 3.2.3)
  rails_autolink
  ri_cal
  rspec-rails (~> 2.9)
  ruby-prof
  rubyzip2
  sanitize
  sass-rails (~> 3.2.3)
  simple_form (~> 2.0)
  simplecov (~> 0.6)
  sitemap_generator (~> 3.1)
  spork-rails
  state_machine (~> 1.1.2)
  steak
  sunspot-rails-tester!
  sunspot_rails (~> 2.0.0.pre.120417)
  sunspot_solr (~> 2.0.0.pre.120417)
  timecop
  uglifier (>= 1.0.3)
  validates_timeliness
  vcr (~> 2.0)
  whenever
  will_paginate (~> 3.0)
  zipruby
