GIT
  remote: git://github.com/haihappen/acts_as_list.git
  revision: 2d31225cb83e2c6867045ef9bd6d14cf5ff59059
  specs:
    acts_as_list (0.0.3)

GIT
  remote: git://github.com/nabeta/isbn-tools.git
  revision: 05e31384f167aa7d1e560f76c1c3faf104d64709
  specs:
    isbn-tools (0.2.0)

GEM
  remote: http://rubygems.org/
  specs:
    RedCloth (4.2.7)
    RedCloth (4.2.7-java)
    Saikuro (1.1.0)
    aaronh-chronic (0.3.9)
    abstract (1.0.0)
    actionmailer (3.0.10.rc1)
      actionpack (= 3.0.10.rc1)
      mail (~> 2.2.19)
    actionpack (3.0.10.rc1)
      activemodel (= 3.0.10.rc1)
      activesupport (= 3.0.10.rc1)
      builder (~> 2.1.2)
      erubis (~> 2.6.6)
      i18n (~> 0.5.0)
      rack (~> 1.2.1)
      rack-mount (~> 0.6.14)
      rack-test (~> 0.5.7)
      tzinfo (~> 0.3.23)
    activemodel (3.0.10.rc1)
      activesupport (= 3.0.10.rc1)
      builder (~> 2.1.2)
      i18n (~> 0.5.0)
    activerecord (3.0.10.rc1)
      activemodel (= 3.0.10.rc1)
      activesupport (= 3.0.10.rc1)
      arel (~> 2.0.10)
      tzinfo (~> 0.3.23)
    activerecord-jdbc-adapter (1.1.3)
    activeresource (3.0.10.rc1)
      activemodel (= 3.0.10.rc1)
      activesupport (= 3.0.10.rc1)
    activesupport (3.0.10.rc1)
    acts-as-taggable-on (2.0.6)
    addressable (2.2.4)
    amazon-ecs (2.0.0)
      nokogiri (>= 1.4.0)
      ruby-hmac (>= 0.3.2)
    annotate (2.4.0)
    arel (2.0.10)
    arrayfields (4.7.4)
    astrails-safe (0.2.7)
      aws-s3
      cloudfiles
      net-sftp
    attribute_normalizer (0.3.1)
    aws-s3 (0.6.2)
      builder
      mime-types
      xml-simple
    babosa (0.3.5)
    barby (0.4.3)
    bcrypt-ruby (2.1.4)
    bcrypt-ruby (2.1.4-java)
    bouncy-castle-java (1.5.0146.1)
    builder (2.1.2)
    cancan (1.6.5)
    chronic (0.3.0)
    churn (0.0.13)
      chronic (>= 0.2.3)
      hirb
      json_pure
      main
      ruby_parser (~> 2.0.4)
      sexp_processor (~> 3.0.3)
    client_side_validations (3.1.0)
    cloudfiles (1.4.17)
      mime-types (>= 1.16)
    cocaine (0.1.0)
    colored (1.2)
    configatron (2.8.2)
      yamler (>= 0.1.0)
    daemons (1.1.4)
    dalli (1.0.5)
    delayed_job (2.1.4)
      activesupport (~> 3.0)
      daemons
    devise (1.4.2)
      bcrypt-ruby (~> 2.1.2)
      orm_adapter (~> 0.0.3)
      warden (~> 1.0.3)
    diff-lcs (1.1.2)
    dynamic_form (1.1.4)
    erubis (2.6.6)
      abstract (>= 1.0.0)
    escape (0.0.4)
    escape_utils (0.2.3)
    event-calendar (2.3.3)
    exception_notification (2.4.1)
    extractcontent (0.0.1)
    factory_girl (2.0.3)
    factory_girl_rails (1.1.0)
      factory_girl (~> 2.0.0)
      railties (>= 3.0.0)
    faraday (0.6.1)
      addressable (~> 2.2.4)
      multipart-post (~> 1.1.0)
      rack (< 2, >= 1.1.0)
    fattr (2.2.0)
    file_wrapper (0.4.1)
    flay (1.4.2)
      ruby_parser (~> 2.0)
      sexp_processor (~> 3.0)
    flog (2.5.1)
      ruby_parser (~> 2.0)
      sexp_processor (~> 3.0)
    friendly_id (3.2.1.1)
      babosa (~> 0.3.0)
    geocoder (1.0.2)
    glassfish (1.0.3-java)
      rack (>= 0.4.0)
    guard (0.5.1)
      thor (~> 0.14.6)
    guard-rspec (0.4.0)
      guard (>= 0.4.0)
    haml (3.1.2)
    has_scope (0.5.1)
    hirb (0.5.0)
    i18n (0.5.0)
    inherited_resources (1.2.2)
      has_scope (~> 0.5.0)
      responders (~> 0.6.0)
    jdbc-postgres (9.0.801)
    jpmobile (1.0.4)
    jquery-rails (1.0.12)
      railties (~> 3.0)
      thor (~> 0.14)
    jruby-openssl (0.7.4)
      bouncy-castle-java
    json_pure (1.5.3)
    library_stdnums (1.0.1)
    mail (2.2.19)
      activesupport (>= 2.3.6)
      i18n (>= 0.4.0)
      mime-types (~> 1.16)
      treetop (~> 1.4.8)
    main (4.6.0)
      arrayfields (>= 4.7.4)
      fattr (>= 2.1.0)
      map (>= 2.0.0)
    map (4.2.0)
    marc (0.4.3)
    metric_fu (2.1.1)
      Saikuro (>= 1.1.0)
      activesupport (>= 2.0.0)
      chronic (~> 0.3.0)
      churn (>= 0.0.7)
      flay (>= 1.2.1)
      flog (>= 2.3.0)
      rails_best_practices (>= 0.6.4)
      rcov (>= 0.8.3.3)
      reek (>= 1.2.6)
      roodi (>= 2.1.0)
      syntax
    mime-types (1.16)
    money (3.7.1)
      i18n (~> 0.4)
    multi_json (1.0.3)
    multi_xml (0.2.2)
    multipart-post (1.1.3)
    net-ldap (0.2.2)
    net-sftp (2.0.5)
      net-ssh (>= 2.0.9)
    net-ssh (2.1.4)
    nokogiri (1.4.7)
    nokogiri (1.4.7-java)
      weakling (>= 0.0.3)
    oa-basic (0.2.6)
      oa-core (= 0.2.6)
      rest-client (~> 1.6.0)
    oa-core (0.2.6)
    oa-enterprise (0.2.6)
      addressable (= 2.2.4)
      net-ldap (~> 0.2.2)
      nokogiri (~> 1.4.2)
      oa-core (= 0.2.6)
      pyu-ruby-sasl (~> 0.0.3.1)
      rubyntlm (~> 0.1.1)
    oa-more (0.2.6)
      multi_json (~> 1.0.0)
      oa-core (= 0.2.6)
      rest-client (~> 1.6.0)
    oa-oauth (0.2.6)
      faraday (~> 0.6.1)
      multi_json (~> 1.0.0)
      multi_xml (~> 0.2.2)
      oa-core (= 0.2.6)
      oauth (~> 0.4.0)
      oauth2 (~> 0.4.1)
    oa-openid (0.2.6)
      oa-core (= 0.2.6)
      rack-openid (~> 1.3.1)
      ruby-openid-apps-discovery (~> 1.2.0)
    oauth (0.4.5)
    oauth2 (0.4.1)
      faraday (~> 0.6.1)
      multi_json (>= 0.0.5)
    omniauth (0.2.6)
      oa-basic (= 0.2.6)
      oa-core (= 0.2.6)
      oa-enterprise (= 0.2.6)
      oa-more (= 0.2.6)
      oa-oauth (= 0.2.6)
      oa-openid (= 0.2.6)
    orm_adapter (0.0.5)
    paper_trail (2.2.9)
      rails (~> 3)
    paperclip (2.3.16)
      activerecord (>= 2.3.0)
      activesupport (>= 2.3.2)
      cocaine (>= 0.0.2)
      mime-types
    parallel (0.5.7)
    parallel_tests (0.6.0)
      parallel
    pg (0.11.0)
    polyglot (0.3.2)
    pr_geohash (1.0.0)
    prism (0.1.0)
      nokogiri
    pyu-ruby-sasl (0.0.3.3)
    rack (1.2.3)
    rack-mount (0.6.14)
      rack (>= 1.0.0)
    rack-openid (1.3.1)
      rack (>= 1.1.0)
      ruby-openid (>= 2.1.8)
    rack-protection (0.1.0)
      escape_utils
      rack
    rack-test (0.5.7)
      rack (>= 1.0)
    rails (3.0.10.rc1)
      actionmailer (= 3.0.10.rc1)
      actionpack (= 3.0.10.rc1)
      activerecord (= 3.0.10.rc1)
      activeresource (= 3.0.10.rc1)
      activesupport (= 3.0.10.rc1)
      bundler (~> 1.0)
      railties (= 3.0.10.rc1)
    rails_best_practices (0.10.1)
      activesupport
      colored
      erubis
      haml
      i18n
      ruby-progressbar
      ruby_parser
    railties (3.0.10.rc1)
      actionpack (= 3.0.10.rc1)
      activesupport (= 3.0.10.rc1)
      rake (>= 0.8.7)
      rdoc (~> 3.4)
      thor (~> 0.14.4)
    rake (0.9.2)
    rcov (0.9.10)
    rcov (0.9.10-java)
    rdoc (3.9.1)
    recurrence (1.2.0)
      activesupport (>= 2.3.0)
      i18n
    reek (1.2.8)
      ruby2ruby (~> 1.2)
      ruby_parser (~> 2.0)
      sexp_processor (~> 3.0)
    responders (0.6.4)
    rest-client (1.6.3)
      mime-types (>= 1.16)
    ri_cal (0.8.8)
    roodi (2.1.0)
      ruby_parser
    rscribd (1.3.0)
      mime-types
    rsolr (0.12.1)
      builder (>= 2.1.2)
    rspec (2.6.0)
      rspec-core (~> 2.6.0)
      rspec-expectations (~> 2.6.0)
      rspec-mocks (~> 2.6.0)
    rspec-core (2.6.4)
    rspec-expectations (2.6.0)
      diff-lcs (~> 1.1.2)
    rspec-mocks (2.6.0)
    rspec-rails (2.6.1)
      actionpack (~> 3.0)
      activesupport (~> 3.0)
      railties (~> 3.0)
      rspec (~> 2.6.0)
    ruby-hmac (0.4.0)
    ruby-openid (2.1.8)
    ruby-openid-apps-discovery (1.2.0)
      ruby-openid (>= 2.1.7)
    ruby-prof (0.10.8)
    ruby-progressbar (0.0.10)
    ruby2ruby (1.2.5)
      ruby_parser (~> 2.0)
      sexp_processor (~> 3.0)
    ruby_parser (2.0.6)
      sexp_processor (~> 3.0)
    rubyntlm (0.1.1)
    rubyzip2 (2.0.1)
    sanitize (2.0.3)
      nokogiri (< 1.6, >= 1.4.4)
    scribd_fu (2.0.11)
      rscribd
    sexp_processor (3.0.5)
    simple_form (1.4.2)
      actionpack (~> 3.0)
      activemodel (~> 3.0)
    simplecov (0.4.2)
      simplecov-html (~> 0.4.4)
    simplecov-html (0.4.5)
    sitemap_generator (2.0.1)
    spork (0.9.0.rc9)
    state_machine (1.0.2)
    strongbox (0.4.8)
      activerecord
    sunspot (1.2.1)
      escape (= 0.0.4)
      pr_geohash (~> 1.0)
      rsolr (= 0.12.1)
    sunspot_rails (1.2.1)
      nokogiri
      sunspot (= 1.2.1)
    syntax (1.0.0)
    system_timer (1.2.4)
    thor (0.14.6)
    timecop (0.3.5)
    timeliness (0.3.4)
    treetop (1.4.10)
      polyglot
      polyglot (>= 0.3.1)
    tzinfo (0.3.29)
    validates_timeliness (3.0.6)
      timeliness (~> 0.3.3)
    warden (1.0.5)
      rack (>= 1.0)
    weakling (0.0.4-java)
    whenever (0.6.8)
      aaronh-chronic (>= 0.3.9)
      activesupport (>= 2.3.4)
    will_paginate (3.0.0)
    xml-simple (1.1.0)
    yamler (0.1.0)
    zipruby (0.3.6)

PLATFORMS
  java
  ruby

DEPENDENCIES
  RedCloth (>= 4.2.7)
  activerecord-jdbc-adapter
  acts-as-taggable-on
  acts_as_list!
  amazon-ecs (>= 2.0.0)
  annotate
  astrails-safe
  attribute_normalizer
  aws-s3
  barby
  cancan (>= 1.6.5)
  client_side_validations
  configatron
  dalli
  delayed_job (>= 2.1.4)
  devise (>= 1.4.2)
  dynamic_form
  event-calendar
  exception_notification
  extractcontent
  factory_girl_rails
  file_wrapper
  friendly_id
  geocoder
  glassfish
  guard-rspec
  has_scope
  inherited_resources
  isbn-tools!
  jdbc-postgres
  jpmobile (~> 1.0.0)
  jquery-rails
  jruby-openssl
  library_stdnums
  marc
  metric_fu
  money
  nokogiri
  omniauth (>= 0.2.6)
  paper_trail (>= 2.2.5)
  paperclip
  parallel_tests
  pg
  prism
  rack-protection
  rails (= 3.0.10.rc1)
  recurrence
  ri_cal
  rspec-rails
  ruby-prof
  rubyzip2
  sanitize
  scribd_fu
  simple_form
  simplecov (>= 0.4.0)
  sitemap_generator (>= 2.0.1)
  spork (~> 0.9.0.rc9)
  state_machine
  strongbox (>= 0.4.7)
  sunspot_rails (>= 1.2.1)
  system_timer
  timecop
  validates_timeliness
  whenever
  will_paginate (~> 3.0)
  zipruby
