GIT
  remote: git://github.com/justinko/sunspot-rails-tester.git
  revision: cd3c0e85834389a27c6809eeeab8dd2cb0a724f0
  specs:
    sunspot-rails-tester (0.0.4)
      sunspot_rails (>= 1.2)
      sunspot_solr (>= 1.2)

GIT
  remote: git://github.com/nabeta/enju_book_jacket.git
  revision: 61857b41cb164d730d6368904c838acbc15563fd
  specs:
    enju_book_jacket (0.1.0.pre3)
      rails (~> 3.2)

GIT
  remote: git://github.com/nabeta/enju_bookmark.git
  revision: 4f9181011b2a830f54029898031d24da959a416e
  specs:
    enju_bookmark (0.1.2.pre7)
      acts-as-taggable-on (~> 2.3)
      rails (~> 3.2)
      state_machine

GIT
  remote: git://github.com/nabeta/enju_circulation.git
  revision: faa1963f986fb47e8768d43ee2e339e83ca0a773
  specs:
    enju_circulation (0.1.0.pre9)
      enju_event (~> 0.1.17.pre5)
      enju_message (~> 0.1.14.pre)
      inherited_resources
      rails (~> 3.2)
      simple_form
      state_machine
      validates_timeliness

GIT
  remote: git://github.com/nabeta/enju_event.git
  revision: 17d8a909092a6b35f19f2970bf0ba94a5597e784
  specs:
    enju_event (0.1.17.pre6)
      enju_core (~> 0.1.1.pre)
      enju_message (~> 0.1.14.pre3)
      event-calendar (~> 2.3.3)
      has_scope
      inherited_resources
      paperclip
      rails (~> 3.2)
      simple_form
      state_machine

GIT
  remote: git://github.com/nabeta/enju_inter_library_loan.git
  revision: 01c04d4afa85a54cf669c00d92d3693938ccb5cc
  specs:
    enju_inter_library_loan (0.1.0.pre5)
      enju_biblio (~> 0.1.0.pre13)
      rails (~> 3.2)
      state_machine

GIT
  remote: git://github.com/nabeta/enju_inventory.git
  revision: 9036803968839fd5b48465212dd8f1226f37dcf7
  specs:
    enju_inventory (0.1.11.pre5)
      enju_biblio (~> 0.1.0.pre13)
      inherited_resources
      paperclip (~> 3.3)
      rails (~> 3.2)

GIT
  remote: git://github.com/nabeta/enju_manifestation_viewer.git
  revision: a7fb3b2094830d1d9ffbb23e7a19007027a0f984
  specs:
    enju_manifestation_viewer (0.1.0.pre3)
      rails (~> 3.2)

GIT
  remote: git://github.com/nabeta/enju_message.git
  revision: cf201b91408f6c749ca75144f7d28106daf5e216
  specs:
    enju_message (0.1.14.pre3)
      awesome_nested_set (~> 2.1)
      enju_core (~> 0.1.1.pre2)
      inherited_resources
      rails (~> 3.2)
      resque_mailer
      simple_form
      state_machine

GIT
  remote: git://github.com/nabeta/enju_ndl.git
  revision: 70b86fbba86f14d460a756cbc0e72f37e3f83952
  specs:
    enju_ndl (0.1.0.pre6)
      library_stdnums
      lisbn
      nokogiri
      nori (~> 1.1)
      rails (~> 3.2)

GIT
  remote: git://github.com/nabeta/enju_nii.git
  revision: 2a37e9d2f8d2eea7939e4b2275bf61b02c9c4f20
  specs:
    enju_nii (0.1.0.pre)
      attribute_normalizer
      enju_biblio (~> 0.1.0.pre13)
      nori (~> 1.1)
      rails (~> 3.2)

GIT
  remote: git://github.com/nabeta/enju_oai.git
  revision: e9212aad2db683c4199a27ffc163b8edf63f642a
  specs:
    enju_oai (0.1.0.pre5)
      mobile-fu
      rails (~> 3.2)

GIT
  remote: git://github.com/nabeta/enju_purchase_request.git
  revision: 349d270d011ce10aa3a59eaa31f1286284f507ae
  specs:
    enju_purchase_request (0.1.0.pre5)
      rails (~> 3.2)
      state_machine

GIT
  remote: git://github.com/nabeta/enju_question.git
  revision: 0e5f7e4260d2e4b35c06114cfcfd2b97f5da22d1
  specs:
    enju_question (0.1.0.pre4)
      acts-as-taggable-on (~> 2.3)
      enju_core (~> 0.1.1.pre2)
      rails (~> 3.2)
      simple_form

GIT
  remote: git://github.com/nabeta/enju_resource_merge.git
  revision: 2f7d2d3a6772c9dd3a71110832fd766b9b3cd91f
  specs:
    enju_resource_merge (0.1.0.pre5)
      dynamic_form
      enju_biblio (~> 0.1.0.pre13)
      inherited_resources
      rails (~> 3.2)

GIT
  remote: git://github.com/nabeta/enju_subject.git
  revision: 6b3a905c3cd5286f1172c44b069413ffd43134fc
  specs:
    enju_subject (0.1.0.pre4)
      dynamic_form
      enju_core
      inherited_resources
      rails (~> 3.2)

GIT
  remote: git://github.com/next-l/enju_biblio.git
  revision: 97e9c04088e55f0e9e753db958f20ab2a02b3224
  specs:
    enju_biblio (0.1.0.pre13)
      aws-sdk
      dynamic_form
      enju_core (~> 0.1.1.pre)
      has_scope
      inherited_resources
      library_stdnums
      lisbn
      marc
      paper_trail
      paperclip
      paperclip-meta
      rails (~> 3.2)
      resque_mailer
      simple_form
      state_machine
      validates_timeliness

GIT
  remote: git://github.com/next-l/enju_core.git
  revision: e71af2fb120db9d280883e87fcc4910e36204ecc
  specs:
    enju_core (0.1.1.pre2)
      acts_as_list
      addressable
      attribute_normalizer (~> 1.1)
      cancan
      devise
      friendly_id (~> 4.0)
      kaminari
      mobile-fu
      rails (~> 3.2)
      resque
      settingslogic
      sunspot_rails (~> 2.0.0.pre.120925)

GIT
  remote: git://github.com/next-l/enju_export.git
  revision: 3d315e1e3793bce9625f696d6b09e3d315bb353d
  specs:
    enju_export (0.1.1.pre2)
      enju_biblio (~> 0.1.0.pre13)
      paperclip (~> 3.3)
      rails (~> 3.2)
      simple_form
      state_machine

GIT
  remote: git://github.com/next-l/enju_library.git
  revision: 7d95a1978871f0b1d2e12e428443d442daae7b2b
  specs:
    enju_library (0.1.0.pre6)
      enju_core (~> 0.1.1.pre)
      geocoder
      inherited_resources
      rails (~> 3.2)

GIT
  remote: git://github.com/next-l/enju_search_log.git
  revision: 67215e96f6e397fcb920abee4c9c677e59eaa6e0
  specs:
    enju_search_log (0.1.0.pre3)
      enju_biblio (~> 0.1.0.pre13)
      rails (~> 3.2)

GEM
  remote: https://rubygems.org/
  specs:
    RedCloth (4.2.9)
    actionmailer (3.2.9)
      actionpack (= 3.2.9)
      mail (~> 2.4.4)
    actionpack (3.2.9)
      activemodel (= 3.2.9)
      activesupport (= 3.2.9)
      builder (~> 3.0.0)
      erubis (~> 2.7.0)
      journey (~> 1.0.4)
      rack (~> 1.4.0)
      rack-cache (~> 1.2)
      rack-test (~> 0.6.1)
      sprockets (~> 2.2.1)
    activemodel (3.2.9)
      activesupport (= 3.2.9)
      builder (~> 3.0.0)
    activerecord (3.2.9)
      activemodel (= 3.2.9)
      activesupport (= 3.2.9)
      arel (~> 3.0.2)
      tzinfo (~> 0.3.29)
    activeresource (3.2.9)
      activemodel (= 3.2.9)
      activesupport (= 3.2.9)
    activesupport (3.2.9)
      i18n (~> 0.6)
      multi_json (~> 1.0)
    acts-as-taggable-on (2.3.3)
      rails (~> 3.0)
    acts_as_list (0.1.7)
    addressable (2.3.2)
    annotate (2.5.0)
      rake
    arel (3.0.2)
    astrails-safe (0.2.7)
      aws-s3
      cloudfiles
      net-sftp
    attribute_normalizer (1.1.0)
    awesome_nested_set (2.1.5)
      activerecord (>= 3.0.0)
    aws-s3 (0.6.3)
      builder
      mime-types
      xml-simple
    aws-sdk (1.7.1)
      httparty (~> 0.7)
      json (~> 1.4)
      nokogiri (>= 1.4.4)
      uuidtools (~> 2.1)
    bcrypt-ruby (3.0.1)
    builder (3.0.4)
    cancan (1.6.8)
    capybara (2.0.1)
      mime-types (>= 1.16)
      nokogiri (>= 1.3.3)
      rack (>= 1.0.0)
      rack-test (>= 0.5.4)
      selenium-webdriver (~> 2.0)
      xpath (~> 1.0.0)
    charlock_holmes (0.6.9)
    childprocess (0.3.6)
      ffi (~> 1.0, >= 1.0.6)
    choice (0.1.6)
    chronic (0.8.0)
    client_side_validations (3.2.1)
    cloudfiles (1.5.0.1)
      json
    cocaine (0.4.2)
    coderay (1.0.8)
    coffee-rails (3.2.2)
      coffee-script (>= 2.2.0)
      railties (~> 3.2.0)
    coffee-script (2.2.0)
      coffee-script-source
      execjs
    coffee-script-source (1.4.0)
    commonjs (0.2.6)
    dalli (2.5.0)
    devise (2.2.0.rc)
      bcrypt-ruby (~> 3.0)
      orm_adapter (~> 0.1)
      railties (~> 3.1)
      warden (~> 1.2.1)
    devise-encryptable (0.1.1)
      devise (>= 2.1.0.rc)
    diff-lcs (1.1.3)
    dynamic_form (1.1.4)
    erubis (2.7.0)
    event-calendar (2.3.3)
    eventmachine (1.0.0)
    exception_notification (3.0.0)
      actionmailer (>= 3.0.4)
      tinder (~> 1.8)
    execjs (1.4.0)
      multi_json (~> 1.0)
    factory_girl (4.1.0)
      activesupport (>= 3.0.0)
    factory_girl_rails (4.1.0)
      factory_girl (~> 4.1.0)
      railties (>= 3.0.0)
    fakeweb (1.3.0)
    faraday (0.8.4)
      multipart-post (~> 1.1)
    faraday_middleware (0.9.0)
      faraday (>= 0.7.4, < 0.9)
    fattr (2.2.1)
    ffi (1.2.0)
    foreigner (1.2.1)
      activerecord (>= 3.0.0)
    friendly_id (4.0.9)
    geocoder (1.1.5)
    guard (1.5.4)
      listen (>= 0.4.2)
      lumberjack (>= 1.0.2)
      pry (>= 0.9.10)
      thor (>= 0.14.6)
    guard-rspec (2.3.1)
      guard (>= 1.1)
      rspec (~> 2.11)
    has_scope (0.5.1)
    hashie (1.2.0)
    highline (1.6.15)
    hike (1.2.1)
    http_parser.rb (0.5.3)
    httparty (0.9.0)
      multi_json (~> 1.0)
      multi_xml
    i18n (0.6.1)
    immigrant (0.1.3)
      activerecord (>= 3.0)
      foreigner (>= 1.1.6)
    inherited_resources (1.3.1)
      has_scope (~> 0.5.0)
      responders (~> 0.6)
    journey (1.0.4)
    jquery-rails (2.1.4)
      railties (>= 3.0, < 5.0)
      thor (>= 0.14, < 2.0)
    jquery-ui-rails (2.0.2)
      jquery-rails
      railties (>= 3.1.0)
    json (1.7.5)
    kaminari (0.14.1)
      actionpack (>= 3.0.0)
      activesupport (>= 3.0.0)
    kgio (2.7.4)
    less (2.2.2)
      commonjs (~> 0.2.6)
    less-rails (2.2.6)
      actionpack (>= 3.1)
      less (~> 2.2.0)
    library_stdnums (1.2.0)
    libwebsocket (0.1.7.1)
      addressable
      websocket
    lisbn (0.1.2)
      nori
    listen (0.6.0)
    lumberjack (1.0.2)
    mail (2.4.4)
      i18n (>= 0.4.0)
      mime-types (~> 1.16)
      treetop (~> 1.4.8)
    marc (0.5.0)
    method_source (0.8.1)
    mime-types (1.19)
    mobile-fu (1.1.1)
      rack-mobile-detect
      rails
    multi_json (1.5.0)
    multi_xml (0.5.1)
    multipart-post (1.1.5)
    net-sftp (2.0.5)
      net-ssh (>= 2.0.9)
    net-ssh (2.6.2)
    nokogiri (1.5.5)
    nori (1.1.3)
    options (2.3.0)
      fattr
    orm_adapter (0.4.0)
    paper_trail (2.6.4)
      activerecord (~> 3.0)
      railties (~> 3.0)
    paperclip (3.3.1)
      activemodel (>= 3.0.0)
      activerecord (>= 3.0.0)
      activesupport (>= 3.0.0)
      cocaine (~> 0.4.0)
      mime-types
    paperclip-meta (0.4.3)
      paperclip
    parallel (0.5.21)
    parallel_tests (0.8.14)
      parallel
    pg (0.14.1)
    polyglot (0.3.3)
    pr_geohash (1.0.0)
    progress_bar (0.4.0)
      highline (~> 1.6.1)
      options (~> 2.3.0)
    pry (0.9.10)
      coderay (~> 1.0.5)
      method_source (~> 0.8)
      slop (~> 3.3.1)
    rack (1.4.1)
    rack-cache (1.2)
      rack (>= 0.4)
    rack-mobile-detect (0.4.0)
      rack
    rack-protection (1.3.2)
      rack
    rack-ssl (1.3.2)
      rack
    rack-test (0.6.2)
      rack (>= 1.0)
    rails (3.2.9)
      actionmailer (= 3.2.9)
      actionpack (= 3.2.9)
      activerecord (= 3.2.9)
      activeresource (= 3.2.9)
      activesupport (= 3.2.9)
      bundler (~> 1.0)
      railties (= 3.2.9)
    rails-erd (1.0.0)
      activerecord (>= 3.0)
      activesupport (>= 3.0)
      choice (~> 0.1.6)
      ruby-graphviz (~> 1.0.4)
    rails_autolink (1.0.9)
      rails (~> 3.1)
    railties (3.2.9)
      actionpack (= 3.2.9)
      activesupport (= 3.2.9)
      rack-ssl (~> 1.3.2)
      rake (>= 0.8.7)
      rdoc (~> 3.4)
      thor (>= 0.14.6, < 2.0)
    rake (10.0.3)
    rdoc (3.12)
      json (~> 1.4)
    redis (3.0.2)
    redis-namespace (1.2.1)
      redis (~> 3.0.0)
    ref (1.0.2)
    responders (0.9.3)
      railties (~> 3.1)
    resque (1.23.0)
      multi_json (~> 1.0)
      redis-namespace (~> 1.0)
      sinatra (>= 0.9.2)
      vegas (~> 0.1.2)
    resque-scheduler (2.0.0)
      redis (>= 2.0.1)
      resque (>= 1.20.0)
      rufus-scheduler
    resque_mailer (2.2.1)
      actionmailer (~> 3.0)
    resque_spec (0.12.7)
      resque (>= 1.19.0)
      rspec (>= 2.5.0)
    ri_cal (0.8.8)
    rsolr (1.0.8)
      builder (>= 2.1.2)
    rspec (2.12.0)
      rspec-core (~> 2.12.0)
      rspec-expectations (~> 2.12.0)
      rspec-mocks (~> 2.12.0)
    rspec-core (2.12.1)
    rspec-expectations (2.12.0)
      diff-lcs (~> 1.1.3)
    rspec-mocks (2.12.0)
    rspec-rails (2.12.0)
      actionpack (>= 3.0)
      activesupport (>= 3.0)
      railties (>= 3.0)
      rspec-core (~> 2.12.0)
      rspec-expectations (~> 2.12.0)
      rspec-mocks (~> 2.12.0)
    ruby-graphviz (1.0.8)
    rubyzip (0.9.9)
    rufus-scheduler (2.0.17)
      tzinfo (>= 0.3.23)
    sanitize (2.0.3)
      nokogiri (>= 1.4.4, < 1.6)
    sass (3.2.3)
    sass-rails (3.2.5)
      railties (~> 3.2.0)
      sass (>= 3.1.10)
      tilt (~> 1.3)
    selenium-webdriver (2.27.2)
      childprocess (>= 0.2.5)
      libwebsocket (~> 0.1.3)
      multi_json (~> 1.0)
      rubyzip
    settingslogic (2.0.8)
    simple_form (2.0.4)
      actionpack (~> 3.0)
      activemodel (~> 3.0)
    simple_oauth (0.1.9)
    simplecov (0.7.1)
      multi_json (~> 1.0)
      simplecov-html (~> 0.7.1)
    simplecov-html (0.7.1)
    sinatra (1.3.3)
      rack (~> 1.3, >= 1.3.6)
      rack-protection (~> 1.2)
      tilt (~> 1.3, >= 1.3.3)
    sitemap_generator (3.4)
      builder
    slop (3.3.3)
    spork (1.0.0rc3)
    spork-rails (3.2.1)
      rails (>= 3.0.0, < 3.3.0)
      spork (>= 1.0rc0)
    sprockets (2.2.2)
      hike (~> 1.2)
      multi_json (~> 1.0)
      rack (~> 1.0)
      tilt (~> 1.1, != 1.3.0)
    state_machine (1.1.2)
    steak (2.0.0)
      capybara (>= 1.0.0)
      rspec-rails (>= 2.5.0)
    strong_parameters (0.1.5)
      actionpack (~> 3.1)
      activemodel (~> 3.1)
      railties (~> 3.1)
    strongbox (0.6.0)
      activerecord
    sunspot (2.0.0.pre.120925)
      pr_geohash (~> 1.0)
      rsolr (~> 1.0.7)
    sunspot_rails (2.0.0.pre.120925)
      nokogiri
      sunspot (= 2.0.0.pre.120925)
    sunspot_solr (2.0.0.pre.120925)
    therubyracer (0.11.0)
      ref
    thor (0.16.0)
    tilt (1.3.3)
    timecop (0.5.4)
    timeliness (0.3.7)
    tinder (1.9.1)
      eventmachine (>= 0.12.0, < 2)
      faraday (~> 0.8)
      faraday_middleware (~> 0.8)
      hashie (~> 1.0)
      json (~> 1.6)
      mime-types (~> 1.16)
      multi_json (~> 1.0)
      multipart-post (~> 1.1)
      twitter-stream (~> 0.1)
    treetop (1.4.12)
      polyglot
      polyglot (>= 0.3.1)
    twitter-bootstrap-rails (2.1.9)
      actionpack (>= 3.1)
      execjs
      railties (>= 3.1)
    twitter-stream (0.1.16)
      eventmachine (>= 0.12.8)
      http_parser.rb (~> 0.5.1)
      simple_oauth (~> 0.1.4)
    tzinfo (0.3.35)
    uglifier (1.3.0)
      execjs (>= 0.3.0)
      multi_json (~> 1.0, >= 1.0.2)
    uuidtools (2.1.3)
    validates_timeliness (3.0.14)
      timeliness (~> 0.3.6)
    vcr (2.3.0)
    vegas (0.1.11)
      rack (>= 1.0.0)
    warden (1.2.1)
      rack (>= 1.0)
    websocket (1.0.4)
    whenever (0.8.0)
      activesupport (>= 2.3.4)
      chronic (>= 0.6.3)
    xml-simple (1.1.2)
    xpath (1.0.0)
      nokogiri (~> 1.3)
    zipruby (0.3.6)

PLATFORMS
  ruby

DEPENDENCIES
  RedCloth (>= 4.2.9)
  activerecord-jdbcpostgresql-adapter
  acts_as_list (= 0.1.7)
  addressable
  annotate (~> 2.5)
  astrails-safe
  attribute_normalizer (~> 1.1)
  awesome_nested_set (~> 2.1)
  aws-sdk
  charlock_holmes
  client_side_validations (~> 3.2)
  coffee-rails (~> 3.2.1)
  dalli (~> 2.5)
  devise-encryptable
  dynamic_form
  enju_biblio!
  enju_book_jacket!
  enju_bookmark!
  enju_circulation!
  enju_core!
  enju_event!
  enju_export!
  enju_inter_library_loan!
  enju_inventory!
  enju_library!
  enju_manifestation_viewer!
  enju_message!
  enju_ndl!
  enju_nii!
  enju_oai!
  enju_purchase_request!
  enju_question!
  enju_resource_merge!
  enju_search_log!
  enju_subject!
  exception_notification (~> 3.0.0)
  factory_girl_rails (~> 4.1)
  fakeweb
  foreigner
  geocoder
  guard-rspec
  immigrant
  inherited_resources (~> 1.3)
  jquery-rails
  jquery-ui-rails
  jruby-openssl
  kgio
  less-rails
  library_stdnums
  mobile-fu
  paper_trail (~> 2.6)
  paperclip (~> 3.3)
  paperclip-meta (~> 0.4.3)
  parallel_tests (~> 0.8)
  pg
  progress_bar
  rack-protection
  rails (= 3.2.9)
  rails-erd
  rails_autolink
  resque-scheduler (~> 2.0.0)
  resque_spec
  ri_cal
  rspec-rails (~> 2.12)
  rubyzip
  sanitize
  sass-rails (~> 3.2.3)
  simple_form (~> 2.0)
  simplecov (~> 0.7)
  sitemap_generator (~> 3.4)
  spork-rails
  state_machine (~> 1.1.2)
  steak
  strong_parameters
  strongbox
  sunspot-rails-tester!
  sunspot_solr (~> 2.0.0.pre.120925)
  therubyracer
  therubyrhino
  timecop
  trinidad
  twitter-bootstrap-rails
  uglifier (>= 1.0.3)
  validates_timeliness
  vcr (~> 2.2)
  whenever
  zipruby
