GIT
  remote: git://github.com/dce/paperclip-meta.git
  revision: 07ef72bf5cfa84bbae454e61872d7eb1caf2a74b
  specs:
    paperclip-meta (0.4.1)
      paperclip

GIT
  remote: git://github.com/justinko/sunspot-rails-tester.git
  revision: cd3c0e85834389a27c6809eeeab8dd2cb0a724f0
  specs:
    sunspot-rails-tester (0.0.4)
      sunspot_rails (>= 1.2)
      sunspot_solr (>= 1.2)

GIT
  remote: git://github.com/nabeta/enju_barcode.git
  revision: 5af8d34b44f0f9c2c797a7c49c1ea44eed822b08
  specs:
    enju_barcode (0.0.3)
      barby (~> 0.5)
      cancan
      devise
      rails (~> 3.2)
      rqrcode
      will_paginate

GIT
  remote: git://github.com/nabeta/enju_book_jacket.git
  revision: 17dfceb94ad2bbf7e1a079c72008b7a5bab0bd34
  specs:
    enju_book_jacket (0.0.2)
      configatron
      rails (~> 3.2)

GIT
  remote: git://github.com/nabeta/enju_bookmark.git
  revision: 355e0d49936dcb15168cf701110a95c3e3920e53
  specs:
    enju_bookmark (0.0.21)
      acts-as-taggable-on (~> 2.3)
      rails (~> 3.2)
      state_machine

GIT
  remote: git://github.com/nabeta/enju_circulation.git
  revision: 6675b6c4a3044136ddc8b8f9f7c172f44e1622e7
  specs:
    enju_circulation (0.0.66)
      enju_core
      enju_event (>= 0.0.24)
      enju_message (>= 0.0.23)
      inherited_resources
      rails (~> 3.2)
      simple_form
      state_machine
      validates_timeliness

GIT
  remote: git://github.com/nabeta/enju_event.git
  revision: 658fdbda5f19cf4d09b0749d2879761db2bea83f
  specs:
    enju_event (0.1.12)
      configatron
      enju_core
      enju_message (>= 0.0.24)
      event-calendar (~> 2.3.3)
      has_scope
      inherited_resources
      paperclip
      rails (~> 3.2)
      simple_form
      state_machine
      sunspot_solr

GIT
  remote: git://github.com/nabeta/enju_inter_library_loan.git
  revision: ea4b5748b57ff4d4845dea43a93c9eeb48fdefb7
  specs:
    enju_inter_library_loan (0.0.5)
      enju_core
      rails (~> 3.2)
      state_machine

GIT
  remote: git://github.com/nabeta/enju_inventory.git
  revision: cdef5a5f3781fd249649ba4d9ec6b4e05609ee28
  specs:
    enju_inventory (0.1.6)
      enju_core
      inherited_resources
      paperclip (~> 3.0)
      rails (~> 3.2)

GIT
  remote: git://github.com/nabeta/enju_manifestation_viewer.git
  revision: 46e748b0d56ab4be4a0f858f84785a75004880cd
  specs:
    enju_manifestation_viewer (0.0.1)
      addressable
      rails (~> 3.2)

GIT
  remote: git://github.com/nabeta/enju_message.git
  revision: f00153184bda477a9c323829b41578ca94e2e9db
  specs:
    enju_message (0.1.10)
      awesome_nested_set (~> 2.1)
      enju_core
      inherited_resources
      rails (~> 3.2)
      resque_mailer
      simple_form
      state_machine

GIT
  remote: git://github.com/nabeta/enju_ndl.git
  revision: a695553329071c26d558c9dcc05b6342d4951866
  specs:
    enju_ndl (0.0.33)
      acts_as_list
      attribute_normalizer
      devise
      library_stdnums
      library_stdnums
      lisbn
      nokogiri
      rails (~> 3.2)
      sunspot_rails
      sunspot_solr
      will_paginate (~> 3.0)

GIT
  remote: git://github.com/nabeta/enju_oai.git
  revision: 4e35abdff93e0b9f4ef6ebd89f1c715e4967f90e
  specs:
    enju_oai (0.0.3)
      acts_as_list
      attribute_normalizer (~> 1.1)
      cancan
      configatron
      devise
      friendly_id (~> 4.0)
      mobile-fu
      rails (~> 3.2)
      sunspot_rails
      will_paginate

GIT
  remote: git://github.com/nabeta/enju_purchase_request.git
  revision: c29fff8ca79d075bfd2e201519828bd4eaa88b5a
  specs:
    enju_purchase_request (0.0.13)
      configatron
      enju_core
      rails (~> 3.2)
      state_machine

GIT
  remote: git://github.com/nabeta/enju_question.git
  revision: 6e38121eff79b7f3591d17dc1954643aa3d6b042
  specs:
    enju_question (0.0.19)
      acts-as-taggable-on (~> 2.2)
      acts_as_list (~> 0.1.6)
      cancan
      devise
      enju_core
      enju_ndl (~> 0.0.33)
      friendly_id (~> 4.0)
      nokogiri
      rails (~> 3.2)
      simple_form
      sunspot_rails
      sunspot_solr
      will_paginate (~> 3.0)

GIT
  remote: git://github.com/nabeta/enju_resource_merge.git
  revision: 0f6f77a1ce042d264625c0154aa2dad92d25fb8b
  specs:
    enju_resource_merge (0.0.16)
      dynamic_form
      enju_core
      inherited_resources
      rails (~> 3.2)

GIT
  remote: git://github.com/nabeta/enju_search_log.git
  revision: 073f9dcd9067f28a384b6f81e2492be8b5f51c77
  specs:
    enju_search_log (0.0.7)
      cancan
      devise
      rails (~> 3.2)
      will_paginate

GIT
  remote: git://github.com/nabeta/enju_subject.git
  revision: e5c74460ca9bdc3d0be27a487eb54a5d2db109c9
  specs:
    enju_subject (0.0.16)
      acts_as_list (~> 0.1.6)
      attribute_normalizer (~> 1.1)
      cancan
      devise
      dynamic_form
      enju_core
      friendly_id (~> 4.0)
      inherited_resources
      rails (~> 3.2)
      sunspot_rails
      sunspot_solr
      will_paginate (~> 3.0)

GIT
  remote: git://github.com/next-l/enju_biblio.git
  revision: 23c2480a0e2ba66f21264818c39031ec3e31ab92
  specs:
    enju_biblio (0.0.3)
      aws-sdk
      dynamic_form
      enju_core
      enju_export
      enju_ndl
      enju_oai
      has_scope
      inherited_resources
      marc
      paper_trail
      paperclip
      paperclip-meta
      rails (~> 3.2)
      resque_mailer
      simple_form
      state_machine
      validates_timeliness

GIT
  remote: git://github.com/next-l/enju_core.git
  revision: 37a5f42e589e10a6d40115ff81a43d87e5d03346
  specs:
    enju_core (0.0.2)
      acts_as_list
      addressable
      attribute_normalizer (~> 1.1)
      cancan
      configatron
      devise
      friendly_id (~> 4.0)
      rails (~> 3.2)
      resque
      sunspot_rails (~> 2.0.0.pre.120417)
      will_paginate

GIT
  remote: git://github.com/next-l/enju_export.git
  revision: 8da7753c64b469a2c8a7bf986fb8b869f5fda330
  specs:
    enju_export (0.0.2)
      enju_core
      paperclip
      rails (~> 3.2)
      simple_form
      state_machine

GIT
  remote: git://github.com/next-l/enju_library.git
  revision: d85c14143edfa4781d5738359d42d7f515d3ab21
  specs:
    enju_library (0.0.1)
      enju_core
      geocoder
      inherited_resources
      rails (~> 3.2)

GEM
  remote: https://rubygems.org/
  specs:
    RedCloth (4.2.9)
    actionmailer (3.2.6)
      actionpack (= 3.2.6)
      mail (~> 2.4.4)
    actionpack (3.2.6)
      activemodel (= 3.2.6)
      activesupport (= 3.2.6)
      builder (~> 3.0.0)
      erubis (~> 2.7.0)
      journey (~> 1.0.1)
      rack (~> 1.4.0)
      rack-cache (~> 1.2)
      rack-test (~> 0.6.1)
      sprockets (~> 2.1.3)
    activemodel (3.2.6)
      activesupport (= 3.2.6)
      builder (~> 3.0.0)
    activerecord (3.2.6)
      activemodel (= 3.2.6)
      activesupport (= 3.2.6)
      arel (~> 3.0.2)
      tzinfo (~> 0.3.29)
    activeresource (3.2.6)
      activemodel (= 3.2.6)
      activesupport (= 3.2.6)
    activesupport (3.2.6)
      i18n (~> 0.6)
      multi_json (~> 1.0)
    acts-as-taggable-on (2.3.1)
      rails (~> 3.0)
    acts_as_list (0.1.6)
    addressable (2.2.8)
    annotate (2.5.0.pre1)
      rake
    arel (3.0.2)
    astrails-safe (0.2.7)
      aws-s3
      cloudfiles
      net-sftp
    attribute_normalizer (1.1.0)
    awesome_nested_set (2.1.3)
      activerecord (>= 3.0.0)
    aws-s3 (0.6.3)
      builder
      mime-types
      xml-simple
    aws-sdk (1.5.6)
      httparty (~> 0.7)
      json (~> 1.4)
      nokogiri (>= 1.4.4)
      uuidtools (~> 2.1)
    barby (0.5.0)
    bcrypt-ruby (3.0.1)
    builder (3.0.0)
    cancan (1.6.8)
    capybara (1.1.2)
      mime-types (>= 1.16)
      nokogiri (>= 1.3.3)
      rack (>= 1.0.0)
      rack-test (>= 0.5.4)
      selenium-webdriver (~> 2.0)
      xpath (~> 0.1.4)
    childprocess (0.3.3)
      ffi (~> 1.0.6)
    chronic (0.6.7)
    client_side_validations (3.2.0.beta.3)
    cloudfiles (1.5.0.1)
      json
    cocaine (0.2.1)
    coffee-rails (3.2.2)
      coffee-script (>= 2.2.0)
      railties (~> 3.2.0)
    coffee-script (2.2.0)
      coffee-script-source
      execjs
    coffee-script-source (1.3.3)
    configatron (2.9.1)
      yamler (>= 0.1.0)
    dalli (2.1.0)
    devise (2.1.2)
      bcrypt-ruby (~> 3.0)
      orm_adapter (~> 0.1)
      railties (~> 3.1)
      warden (~> 1.2.1)
    devise-encryptable (0.1.1)
      devise (>= 2.1.0.rc)
    diff-lcs (1.1.3)
    dynamic_form (1.1.4)
    erubis (2.7.0)
    event-calendar (2.3.3)
    exception_notification (2.6.1)
      actionmailer (>= 3.0.4)
    execjs (1.4.0)
      multi_json (~> 1.0)
    factory_girl (3.5.0)
      activesupport (>= 3.0.0)
    factory_girl_rails (3.5.0)
      factory_girl (~> 3.5.0)
      railties (>= 3.0.0)
    fakeweb (1.3.0)
    fattr (2.2.1)
    ffi (1.0.11)
    foreigner (1.1.6)
      activerecord (>= 3.0.0)
    friendly_id (4.0.7)
    geocoder (1.1.2)
    guard (1.2.1)
      listen (>= 0.4.2)
      thor (>= 0.14.6)
    guard-rspec (1.1.0)
      guard (>= 1.1)
    has_scope (0.5.1)
    highline (1.6.13)
    hike (1.2.1)
    httparty (0.8.3)
      multi_json (~> 1.0)
      multi_xml
    i18n (0.6.0)
    immigrant (0.1.2)
      activerecord (>= 3.0)
      foreigner (>= 1.1.6)
    inherited_resources (1.3.1)
      has_scope (~> 0.5.0)
      responders (~> 0.6)
    journey (1.0.4)
    jquery-rails (2.0.2)
      railties (>= 3.2.0, < 5.0)
      thor (~> 0.14)
    json (1.7.3)
    kgio (2.7.4)
    library_stdnums (1.1.0)
    libwebsocket (0.1.3)
      addressable
    lisbn (0.1.2)
      nori
    listen (0.4.7)
      rb-fchange (~> 0.0.5)
      rb-fsevent (~> 0.9.1)
      rb-inotify (~> 0.8.8)
    mail (2.4.4)
      i18n (>= 0.4.0)
      mime-types (~> 1.16)
      treetop (~> 1.4.8)
    marc (0.5.0)
    mime-types (1.19)
    mobile-fu (1.1.0)
      rack-mobile-detect
      rails
    multi_json (1.3.6)
    multi_xml (0.5.1)
    net-sftp (2.0.5)
      net-ssh (>= 2.0.9)
    net-ssh (2.5.2)
    nokogiri (1.5.5)
    nori (1.1.2)
    options (2.3.0)
      fattr
    orm_adapter (0.3.0)
    paper_trail (2.6.3)
      activerecord (~> 3.0)
      railties (~> 3.0)
    paperclip (3.1.2)
      activemodel (>= 3.0.0)
      activerecord (>= 3.0.0)
      activesupport (>= 3.0.0)
      cocaine (>= 0.0.2)
      mime-types
    parallel (0.5.17)
    parallel_tests (0.8.2)
      parallel
    pg (0.14.0)
    polyglot (0.3.3)
    pr_geohash (1.0.0)
    progress_bar (0.4.0)
      highline (~> 1.6.1)
      options (~> 2.3.0)
    rack (1.4.1)
    rack-cache (1.2)
      rack (>= 0.4)
    rack-mobile-detect (0.4.0)
      rack
    rack-protection (1.2.0)
      rack
    rack-ssl (1.3.2)
      rack
    rack-test (0.6.1)
      rack (>= 1.0)
    rails (3.2.6)
      actionmailer (= 3.2.6)
      actionpack (= 3.2.6)
      activerecord (= 3.2.6)
      activeresource (= 3.2.6)
      activesupport (= 3.2.6)
      bundler (~> 1.0)
      railties (= 3.2.6)
    rails-erd (0.4.5)
      activerecord (~> 3.0)
      activesupport (~> 3.0)
      ruby-graphviz (~> 0.9.18)
    rails_autolink (1.0.9)
      rails (~> 3.1)
    railties (3.2.6)
      actionpack (= 3.2.6)
      activesupport (= 3.2.6)
      rack-ssl (~> 1.3.2)
      rake (>= 0.8.7)
      rdoc (~> 3.4)
      thor (>= 0.14.6, < 2.0)
    rake (0.9.2.2)
    rb-fchange (0.0.5)
      ffi
    rb-fsevent (0.9.1)
    rb-inotify (0.8.8)
      ffi (>= 0.5.0)
    rdoc (3.12)
      json (~> 1.4)
    redis (2.2.2)
    redis-namespace (1.0.3)
      redis (< 3.0.0)
    responders (0.9.1)
      railties (~> 3.1)
    resque (1.20.0)
      multi_json (~> 1.0)
      redis-namespace (~> 1.0.2)
      sinatra (>= 0.9.2)
      vegas (~> 0.1.2)
    resque-scheduler (2.0.0)
      redis (>= 2.0.1)
      resque (>= 1.20.0)
      rufus-scheduler
    resque_mailer (2.1.0)
      actionmailer (~> 3.0)
    ri_cal (0.8.8)
    rqrcode (0.4.2)
    rsolr (1.0.8)
      builder (>= 2.1.2)
    rspec (2.10.0)
      rspec-core (~> 2.10.0)
      rspec-expectations (~> 2.10.0)
      rspec-mocks (~> 2.10.0)
    rspec-core (2.10.1)
    rspec-expectations (2.10.0)
      diff-lcs (~> 1.1.3)
    rspec-mocks (2.10.1)
    rspec-rails (2.10.1)
      actionpack (>= 3.0)
      activesupport (>= 3.0)
      railties (>= 3.0)
      rspec (~> 2.10.0)
    ruby-graphviz (0.9.21)
    ruby-prof (0.11.2)
    rubyzip (0.9.9)
    rufus-scheduler (2.0.17)
      tzinfo (>= 0.3.23)
    sanitize (2.0.3)
      nokogiri (>= 1.4.4, < 1.6)
    sass (3.1.20)
    sass-rails (3.2.5)
      railties (~> 3.2.0)
      sass (>= 3.1.10)
      tilt (~> 1.3)
    selenium-webdriver (2.24.0)
      childprocess (>= 0.2.5)
      libwebsocket (~> 0.1.3)
      multi_json (~> 1.0)
      rubyzip
    simple_form (2.0.2)
      actionpack (~> 3.0)
      activemodel (~> 3.0)
    simplecov (0.6.4)
      multi_json (~> 1.0)
      simplecov-html (~> 0.5.3)
    simplecov-html (0.5.3)
    sinatra (1.3.2)
      rack (~> 1.3, >= 1.3.6)
      rack-protection (~> 1.2)
      tilt (~> 1.3, >= 1.3.3)
    sitemap_generator (3.1.1)
      builder
    spork (1.0.0rc3)
    spork-rails (3.2.0)
      rails (>= 3.0.0, < 3.3.0)
      spork (>= 1.0rc0)
    sprockets (2.1.3)
      hike (~> 1.2)
      rack (~> 1.0)
      tilt (~> 1.1, != 1.3.0)
    state_machine (1.1.2)
    steak (2.0.0)
      capybara (>= 1.0.0)
      rspec-rails (>= 2.5.0)
    strong_parameters (0.1.3)
      actionpack (>= 3.2.0)
      activemodel (>= 3.2.0)
    sunspot (2.0.0.pre.120417)
      pr_geohash (~> 1.0)
      rsolr (~> 1.0.7)
    sunspot_rails (2.0.0.pre.120417)
      nokogiri
      sunspot (= 2.0.0.pre.120417)
    sunspot_solr (2.0.0.pre.120417)
    thor (0.15.4)
    tilt (1.3.3)
    timecop (0.3.5)
    timeliness (0.3.6)
    treetop (1.4.10)
      polyglot
      polyglot (>= 0.3.1)
    tzinfo (0.3.33)
    uglifier (1.2.6)
      execjs (>= 0.3.0)
      multi_json (~> 1.3)
    uuidtools (2.1.2)
    validates_timeliness (3.0.12)
      timeliness (~> 0.3.6)
    vcr (2.2.2)
    vegas (0.1.11)
      rack (>= 1.0.0)
    warden (1.2.1)
      rack (>= 1.0)
    whenever (0.7.3)
      activesupport (>= 2.3.4)
      chronic (~> 0.6.3)
    will_paginate (3.0.3)
    xml-simple (1.1.1)
    xpath (0.1.4)
      nokogiri (~> 1.3)
    yamler (0.1.0)
    zipruby (0.3.6)

PLATFORMS
  ruby

DEPENDENCIES
  RedCloth (>= 4.2.9)
  activerecord-jdbc-adapter
  addressable
  annotate (~> 2.5.0.pre1)
  astrails-safe
  attribute_normalizer (~> 1.1)
  awesome_nested_set (~> 2.1)
  aws-sdk
  cancan (>= 1.6.8)
  client_side_validations (~> 3.2.0.beta.3)
  coffee-rails (~> 3.2.1)
  dalli (~> 2.1)
  devise (~> 2.1.2)
  devise-encryptable
  dynamic_form
  enju_barcode!
  enju_biblio!
  enju_book_jacket!
  enju_bookmark!
  enju_circulation!
  enju_core!
  enju_event!
  enju_export!
  enju_inter_library_loan!
  enju_inventory!
  enju_library!
  enju_manifestation_viewer!
  enju_message!
  enju_ndl!
  enju_oai!
  enju_purchase_request!
  enju_question!
  enju_resource_merge!
  enju_search_log!
  enju_subject!
  exception_notification (~> 2.6)
  factory_girl_rails (~> 3.5)
  fakeweb
  foreigner
  geocoder
  glassfish
  guard-rspec
  immigrant
  inherited_resources (~> 1.3)
  jdbc-postgres
  jquery-rails
  jruby-openssl
  kgio
  library_stdnums
  mobile-fu
  paper_trail (~> 2.6)
  paperclip (~> 3.1)
  paperclip-meta!
  parallel_tests (~> 0.8)
  pg
  progress_bar
  rack-protection
  rails (= 3.2.6)
  rails-erd
  rails_autolink
  resque-scheduler (~> 2.0.0)
  ri_cal
  rspec-rails (~> 2.10)
  ruby-prof
  rubyzip2
  sanitize
  sass-rails (~> 3.2.3)
  simple_form (~> 2.0)
  simplecov (~> 0.6)
  sitemap_generator (~> 3.1)
  spork-rails
  state_machine (~> 1.1.2)
  steak
  strong_parameters
  sunspot-rails-tester!
  sunspot_solr (~> 2.0.0.pre.120417)
  timecop
  uglifier (>= 1.0.3)
  validates_timeliness
  vcr (~> 2.2)
  whenever
  will_paginate (~> 3.0)
  zipruby
