GIT
  remote: git://github.com/justinko/sunspot-rails-tester.git
  revision: 5daf0a01335f7d9f1eca76d7c89eec8aac7acfab
  specs:
    sunspot-rails-tester (0.0.4)
      sunspot_rails (>= 1.2)
      sunspot_solr (>= 1.2)

GIT
  remote: git://github.com/nabeta/enju_leaf.git
  revision: ab461c36c4d81d9184e6785807fa828406d1d977
  branch: gem
  specs:
    enju_leaf (1.1.0.beta3)
      devise-encryptable
      enju_biblio (~> 0.1.0.pre30)
      enju_book_jacket (~> 0.1.0.pre6)
      enju_library (~> 0.1.0.pre20)
      enju_manifestation_viewer (~> 0.1.0.pre5)
      jquery-modal-rails
      mobylette
      rails (~> 3.2.13)
      redcarpet
      redis-rails
      sitemap_generator

GIT
  remote: git://github.com/next-l/enju_biblio.git
  revision: 8710c340f8f1c932f6a9aa2d8f9269b66e84e0fc
  specs:
    enju_biblio (0.1.0.pre30)
      aws-sdk
      dynamic_form
      enju_core (~> 0.1.1.pre4)
      inherited_resources
      library_stdnums
      lisbn
      marc
      paper_trail
      paperclip (~> 3.4)
      paperclip-meta
      resque_mailer
      simple_form
      state_machine
      validates_timeliness

GIT
  remote: git://github.com/next-l/enju_book_jacket.git
  revision: f3577ab4e6391bf5d3693dc01d45df756b0907f6
  specs:
    enju_book_jacket (0.1.0.pre7)
      rails (~> 3.2)

GIT
  remote: git://github.com/next-l/enju_circulation.git
  revision: 4c20699c3cd7ef23b83af7936c8fba799fb53f3f
  specs:
    enju_circulation (0.1.0.pre21)
      enju_core (~> 0.1.0.pre4)
      enju_event (~> 0.1.17.pre11)
      enju_message (~> 0.1.14.pre7)
      inherited_resources
      simple_form
      state_machine
      validates_timeliness

GIT
  remote: git://github.com/next-l/enju_event.git
  revision: ec90a64ad89bb02c89d0121381a8b7b467abd24e
  specs:
    enju_event (0.1.17.pre12)
      enju_core (~> 0.1.1.pre4)
      enju_message (~> 0.1.14.pre7)
      event-calendar (~> 2.3.3)
      inherited_resources
      paperclip
      rails (~> 3.2)
      rails_autolink
      ri_cal
      simple_form
      state_machine

GIT
  remote: git://github.com/next-l/enju_export.git
  revision: 0b4a1c3dfd6b49766898d4d1ef0a35ce3fc60a6b
  specs:
    enju_export (0.1.1.pre3)
      enju_biblio (~> 0.1.0.pre30)
      state_machine

GIT
  remote: git://github.com/next-l/enju_inter_library_loan.git
  revision: 9902715c1ccea5b515bdd7d9d8537595db185485
  specs:
    enju_inter_library_loan (0.1.0.pre7)
      enju_biblio (~> 0.1.0.pre30)
      state_machine

GIT
  remote: git://github.com/next-l/enju_inventory.git
  revision: e1d98f126334a8e540a99d31c7e7534f08eadbf5
  specs:
    enju_inventory (0.1.11.pre7)
      enju_biblio (~> 0.1.0.pre30)
      enju_library (~> 0.1.0.pre18)

GIT
  remote: git://github.com/next-l/enju_library.git
  revision: faf343167b574039d2720b20e7fd00624cd49fd6
  specs:
    enju_library (0.1.0.pre20)
      enju_core (~> 0.1.1.pre4)
      geocoder
      inherited_resources

GIT
  remote: git://github.com/next-l/enju_manifestation_viewer.git
  revision: a288fd1a845242d0aef86101d89fe8983f9ec1d7
  specs:
    enju_manifestation_viewer (0.1.0.pre6)
      rails (~> 3.2)

GIT
  remote: git://github.com/next-l/enju_ndl.git
  revision: 33bd452bf5d579574abf43c19bb3a4d669bc3ca7
  specs:
    enju_ndl (0.1.0.pre14)
      library_stdnums
      lisbn
      nokogiri
      rails (~> 3.2)

GIT
  remote: git://github.com/next-l/enju_nii.git
  revision: 341d82a0b5d2c30b758b2c070f419367eff86766
  specs:
    enju_nii (0.1.0.pre7)
      enju_biblio (~> 0.1.0.pre30)

GIT
  remote: git://github.com/next-l/enju_oai.git
  revision: 94d852f18320ecd00aed35ac3b294e8a71f95ced
  specs:
    enju_oai (0.1.0.pre9)
      rails (~> 3.2)

GIT
  remote: git://github.com/next-l/enju_resource_merge.git
  revision: f673e87a37ba7209c554adf318eec8bf6711aaaa
  specs:
    enju_resource_merge (0.1.0.pre6)
      enju_biblio (~> 0.1.0.pre30)

GIT
  remote: git://github.com/next-l/enju_search_log.git
  revision: 8860cf93e8871be7f6a9d01d19f35e96dd508457
  specs:
    enju_search_log (0.1.0.pre5)
      enju_biblio (~> 0.1.0.pre30)

GIT
  remote: git://github.com/next-l/enju_subject.git
  revision: d36b8b6e9f6429c06e0bdca0695c167b24d8db14
  specs:
    enju_subject (0.1.0.pre11)
      dynamic_form
      enju_core (~> 0.1.1.pre4)
      inherited_resources

GEM
  remote: https://rubygems.org/
  specs:
    actionmailer (3.2.13)
      actionpack (= 3.2.13)
      mail (~> 2.5.3)
    actionpack (3.2.13)
      activemodel (= 3.2.13)
      activesupport (= 3.2.13)
      builder (~> 3.0.0)
      erubis (~> 2.7.0)
      journey (~> 1.0.4)
      rack (~> 1.4.5)
      rack-cache (~> 1.2)
      rack-test (~> 0.6.1)
      sprockets (~> 2.2.1)
    activemodel (3.2.13)
      activesupport (= 3.2.13)
      builder (~> 3.0.0)
    activerecord (3.2.13)
      activemodel (= 3.2.13)
      activesupport (= 3.2.13)
      arel (~> 3.0.2)
      tzinfo (~> 0.3.29)
    activeresource (3.2.13)
      activemodel (= 3.2.13)
      activesupport (= 3.2.13)
    activesupport (3.2.13)
      i18n (= 0.6.1)
      multi_json (~> 1.0)
    acts_as_list (0.2.0)
      activerecord (>= 3.0)
    addressable (2.3.4)
    annotate (2.5.0)
      rake
    arel (3.0.2)
    attribute_normalizer (1.1.0)
    awesome_nested_set (2.1.6)
      activerecord (>= 3.0.0)
    aws-sdk (1.8.5)
      json (~> 1.4)
      nokogiri (>= 1.4.4)
      uuidtools (~> 2.1)
    bcrypt-ruby (3.0.1)
    builder (3.0.4)
    cancan (1.6.9)
    capybara (2.1.0)
      mime-types (>= 1.16)
      nokogiri (>= 1.3.3)
      rack (>= 1.0.0)
      rack-test (>= 0.5.4)
      xpath (~> 2.0)
    charlock_holmes (0.6.9.4)
    choice (0.1.6)
    chronic (0.9.1)
    climate_control (0.0.3)
      activesupport (>= 3.0)
    cocaine (0.5.1)
      climate_control (>= 0.0.3, < 1.0)
    coderay (1.0.9)
    coffee-rails (3.2.2)
      coffee-script (>= 2.2.0)
      railties (~> 3.2.0)
    coffee-script (2.2.0)
      coffee-script-source
      execjs
    coffee-script-source (1.6.2)
    commonjs (0.2.6)
    dalli (2.6.2)
    devise (2.2.3)
      bcrypt-ruby (~> 3.0)
      orm_adapter (~> 0.1)
      railties (~> 3.1)
      warden (~> 1.2.1)
    devise-encryptable (0.1.1)
      devise (>= 2.1.0.rc)
    diff-lcs (1.2.3)
    dynamic_form (1.1.4)
    enju_core (0.1.1.pre4)
      acts_as_list
      addressable
      attribute_normalizer (~> 1.1)
      cancan
      dalli
      devise
      friendly_id (~> 4.0)
      kaminari
      nested_form
      rails (~> 3.2)
      resque
      settingslogic
      sunspot_rails (~> 2.0.0)
    enju_message (0.1.14.pre7)
      awesome_nested_set (~> 2.1)
      enju_core (~> 0.1.1.pre4)
      inherited_resources
      resque_mailer
      simple_form
      state_machine
    erubis (2.7.0)
    event-calendar (2.3.3)
    exception_notification (3.0.1)
      actionmailer (>= 3.0.4)
    execjs (1.4.0)
      multi_json (~> 1.0)
    factory_girl (4.2.0)
      activesupport (>= 3.0.0)
    factory_girl_rails (4.2.1)
      factory_girl (~> 4.2.0)
      railties (>= 3.0.0)
    fakeweb (1.3.0)
    fattr (2.2.1)
    foreigner (1.4.1)
      activerecord (>= 3.0.0)
    formatador (0.2.4)
    friendly_id (4.0.9)
    geocoder (1.1.6)
    guard (1.7.0)
      formatador (>= 0.2.4)
      listen (>= 0.6.0)
      lumberjack (>= 1.0.2)
      pry (>= 0.9.10)
      thor (>= 0.14.6)
    guard-rspec (2.5.3)
      guard (>= 1.1)
      rspec (~> 2.11)
    has_scope (0.5.1)
    highline (1.6.18)
    hike (1.2.2)
    i18n (0.6.1)
    immigrant (0.1.4)
      activerecord (>= 3.0)
      foreigner (>= 1.2.1)
    inherited_resources (1.4.0)
      has_scope (~> 0.5.0)
      responders (~> 0.9)
    journey (1.0.4)
    jquery-modal-rails (0.0.3)
      jquery-ui-rails
      railties (>= 3.2.0, < 5.0)
      thor (~> 0.14)
      uuidtools
    jquery-rails (2.2.1)
      railties (>= 3.0, < 5.0)
      thor (>= 0.14, < 2.0)
    jquery-ui-rails (4.0.2)
      jquery-rails
      railties (>= 3.1.0)
    json (1.7.7)
    kaminari (0.14.1)
      actionpack (>= 3.0.0)
      activesupport (>= 3.0.0)
    kgio (2.8.0)
    less (2.3.1)
      commonjs (~> 0.2.6)
    less-rails (2.3.3)
      actionpack (>= 3.1)
      less (~> 2.3.1)
    library_stdnums (1.2.0)
    libv8 (3.3.10.4)
    lisbn (0.1.3)
      nokogiri
      nori (~> 2.0)
    listen (0.7.3)
    lumberjack (1.0.3)
    mail (2.5.3)
      i18n (>= 0.4.0)
      mime-types (~> 1.16)
      treetop (~> 1.4.8)
    marc (0.5.0)
    method_source (0.8.1)
    mime-types (1.22)
    mobylette (3.3.2)
      actionpack (>= 3.0)
    mono_logger (1.0.1)
    multi_json (1.7.2)
    nested_form (0.3.2)
    nokogiri (1.5.9)
    nori (2.0.4)
    options (2.3.0)
      fattr
    orm_adapter (0.4.0)
    paper_trail (2.7.1)
      activerecord (~> 3.0)
      railties (~> 3.0)
    paperclip (3.4.1)
      activemodel (>= 3.0.0)
      activerecord (>= 3.0.0)
      activesupport (>= 3.0.0)
      cocaine (~> 0.5.0)
      mime-types
    paperclip-meta (0.4.3)
      paperclip
    parallel (0.6.4)
    parallel_tests (0.11.0)
      parallel
    pg (0.15.1)
    polyglot (0.3.3)
    pr_geohash (1.0.0)
    progress_bar (1.0.0)
      highline (~> 1.6.1)
      options (~> 2.3.0)
    pry (0.9.12)
      coderay (~> 1.0.5)
      method_source (~> 0.8)
      slop (~> 3.4)
    rack (1.4.5)
    rack-cache (1.2)
      rack (>= 0.4)
    rack-protection (1.5.0)
      rack
    rack-ssl (1.3.3)
      rack
    rack-test (0.6.2)
      rack (>= 1.0)
    rails (3.2.13)
      actionmailer (= 3.2.13)
      actionpack (= 3.2.13)
      activerecord (= 3.2.13)
      activeresource (= 3.2.13)
      activesupport (= 3.2.13)
      bundler (~> 1.0)
      railties (= 3.2.13)
    rails-erd (1.1.0)
      activerecord (>= 3.0)
      activesupport (>= 3.0)
      choice (~> 0.1.6)
      ruby-graphviz (~> 1.0.4)
    rails_autolink (1.0.9)
      rails (~> 3.1)
    railties (3.2.13)
      actionpack (= 3.2.13)
      activesupport (= 3.2.13)
      rack-ssl (~> 1.3.2)
      rake (>= 0.8.7)
      rdoc (~> 3.4)
      thor (>= 0.14.6, < 2.0)
    rake (10.0.4)
    rdoc (3.12.2)
      json (~> 1.4)
    redcarpet (2.2.2)
    redis (3.0.3)
    redis-actionpack (3.2.3)
      actionpack (~> 3.2.3)
      redis-rack (~> 1.4.0)
      redis-store (~> 1.1.0)
    redis-activesupport (3.2.3)
      activesupport (~> 3.2.3)
      redis-store (~> 1.1.0)
    redis-namespace (1.2.1)
      redis (~> 3.0.0)
    redis-rack (1.4.2)
      rack (~> 1.4.1)
      redis-store (~> 1.1.0)
    redis-rails (3.2.3)
      redis-actionpack (~> 3.2.3)
      redis-activesupport (~> 3.2.3)
      redis-store (~> 1.1.0)
    redis-store (1.1.3)
      redis (>= 2.2.0)
    responders (0.9.3)
      railties (~> 3.1)
    resque (1.24.1)
      mono_logger (~> 1.0)
      multi_json (~> 1.0)
      redis-namespace (~> 1.2)
      sinatra (>= 0.9.2)
      vegas (~> 0.1.2)
    resque-scheduler (2.0.1)
      redis (>= 2.0.1)
      resque (>= 1.20.0)
      rufus-scheduler
    resque_mailer (2.2.3)
      actionmailer (~> 3.0)
    resque_spec (0.13.0)
      resque (>= 1.19.0)
      rspec (>= 2.5.0)
    ri_cal (0.8.8)
    rsolr (1.0.9)
      builder (>= 2.1.2)
    rspec (2.13.0)
      rspec-core (~> 2.13.0)
      rspec-expectations (~> 2.13.0)
      rspec-mocks (~> 2.13.0)
    rspec-core (2.13.1)
    rspec-expectations (2.13.0)
      diff-lcs (>= 1.1.3, < 2.0)
    rspec-mocks (2.13.1)
    rspec-rails (2.13.0)
      actionpack (>= 3.0)
      activesupport (>= 3.0)
      railties (>= 3.0)
      rspec-core (~> 2.13.0)
      rspec-expectations (~> 2.13.0)
      rspec-mocks (~> 2.13.0)
    ruby-graphviz (1.0.8)
    ruby-prof (0.13.0)
    rufus-scheduler (2.0.18)
      tzinfo (>= 0.3.23)
    sanitize (2.0.3)
      nokogiri (>= 1.4.4, < 1.6)
    sass (3.2.7)
    sass-rails (3.2.6)
      railties (~> 3.2.0)
      sass (>= 3.1.10)
      tilt (~> 1.3)
    settingslogic (2.0.9)
    simple_form (2.1.0)
      actionpack (~> 3.0)
      activemodel (~> 3.0)
    simplecov (0.7.1)
      multi_json (~> 1.0)
      simplecov-html (~> 0.7.1)
    simplecov-html (0.7.1)
    sinatra (1.3.6)
      rack (~> 1.4)
      rack-protection (~> 1.3)
      tilt (~> 1.3, >= 1.3.3)
    sitemap_generator (3.4)
      builder
    slop (3.4.4)
    spork (1.0.0rc3)
    spork-rails (3.2.1)
      rails (>= 3.0.0, < 3.3.0)
      spork (>= 1.0rc0)
    sprockets (2.2.2)
      hike (~> 1.2)
      multi_json (~> 1.0)
      rack (~> 1.0)
      tilt (~> 1.1, != 1.3.0)
    state_machine (1.2.0)
    steak (2.0.0)
      capybara (>= 1.0.0)
      rspec-rails (>= 2.5.0)
    strong_parameters (0.2.0)
      actionpack (~> 3.0)
      activemodel (~> 3.0)
      railties (~> 3.0)
    strongbox (0.7.0)
      activerecord
    sunspot (2.0.0)
      pr_geohash (~> 1.0)
      rsolr (~> 1.0.7)
    sunspot_rails (2.0.0)
      nokogiri
      sunspot (= 2.0.0)
    sunspot_solr (2.0.0)
    therubyracer (0.10.2)
      libv8 (~> 3.3.10)
    thor (0.18.1)
    tilt (1.3.7)
    timecop (0.6.1)
    timeliness (0.3.7)
    treetop (1.4.12)
      polyglot
      polyglot (>= 0.3.1)
    twitter-bootstrap-rails (2.2.6)
      actionpack (>= 3.1)
      execjs
      railties (>= 3.1)
    tzinfo (0.3.37)
    uglifier (2.0.1)
      execjs (>= 0.3.0)
      multi_json (~> 1.0, >= 1.0.2)
    uuidtools (2.1.3)
    validates_timeliness (3.0.14)
      timeliness (~> 0.3.6)
    vcr (2.4.0)
    vegas (0.1.11)
      rack (>= 1.0.0)
    warden (1.2.1)
      rack (>= 1.0)
    whenever (0.8.2)
      activesupport (>= 2.3.4)
      chronic (>= 0.6.3)
    xpath (2.0.0)
      nokogiri (~> 1.3)
    zipruby (0.3.6)

PLATFORMS
  ruby

DEPENDENCIES
  activerecord-jdbcpostgresql-adapter
  annotate (~> 2.5)
  charlock_holmes
  coffee-rails (~> 3.2.1)
  enju_biblio!
  enju_book_jacket!
  enju_circulation!
  enju_event!
  enju_export!
  enju_inter_library_loan!
  enju_inventory!
  enju_leaf!
  enju_library!
  enju_manifestation_viewer!
  enju_ndl!
  enju_nii!
  enju_oai!
  enju_resource_merge!
  enju_search_log!
  enju_subject!
  exception_notification (~> 3.0)
  factory_girl_rails (~> 4.2)
  fakeweb
  foreigner
  guard-rspec
  immigrant
  jquery-modal-rails
  jquery-rails
  jruby-openssl
  kgio
  less-rails
  parallel_tests (~> 0.10)
  pg
  progress_bar
  rack-protection
  rails (= 3.2.13)
  rails-erd
  rails_autolink
  redcarpet
  redis-rails
  resque-scheduler (~> 2.0.0)
  resque_spec
  rspec-rails (~> 2.13)
  ruby-prof
  rubyzip
  sanitize
  sass-rails (~> 3.2.3)
  simplecov (~> 0.7)
  spork-rails
  steak
  strong_parameters
  strongbox
  sunspot-rails-tester!
  sunspot_solr (~> 2.0.0)
  therubyracer (= 0.10.2)
  therubyrhino
  timecop
  trinidad
  twitter-bootstrap-rails
  uglifier (>= 1.0.3)
  vcr (~> 2.4)
  whenever
  zipruby
