GIT
  remote: git://github.com/collectiveidea/delayed_job.git
  revision: 234fcf8a441e0b9890de05acb46845f4b997690b
  specs:
    delayed_job (2.1.0.pre2)
      activesupport (~> 3.0)
      daemons

GIT
  remote: git://github.com/mislav/will_paginate.git
  revision: 36159385c8a5837fc63fe901ebe0a88205b5ce8d
  branch: rails3
  specs:
    will_paginate (3.0.pre2)

GIT
  remote: git://github.com/nabeta/scribd_fu.git
  revision: 1a4bbddcd825953c7810307c2e4653eb0ecb5aa5
  specs:
    scribd_fu (2.0.9)
      rscribd

GIT
  remote: git://github.com/rails/exception_notification.git
  revision: 192a49a02d63d28b23ed41cebadfedd490929cf1
  specs:
    exception_notification (1.0.0)

GEM
  remote: http://rubygems.org/
  specs:
    RedCloth (4.2.3)
    RedCloth (4.2.3-java)
    aaronh-chronic (0.3.9)
    abstract (1.0.0)
    actionmailer (3.0.0)
      actionpack (= 3.0.0)
      mail (~> 2.2.5)
    actionpack (3.0.0)
      activemodel (= 3.0.0)
      activesupport (= 3.0.0)
      builder (~> 2.1.2)
      erubis (~> 2.6.6)
      i18n (~> 0.4.1)
      rack (~> 1.2.1)
      rack-mount (~> 0.6.12)
      rack-test (~> 0.5.4)
      tzinfo (~> 0.3.23)
    activemodel (3.0.0)
      activesupport (= 3.0.0)
      builder (~> 2.1.2)
      i18n (~> 0.4.1)
    activerecord (3.0.0)
      activemodel (= 3.0.0)
      activesupport (= 3.0.0)
      arel (~> 1.0.0)
      tzinfo (~> 0.3.23)
    activeresource (3.0.0)
      activemodel (= 3.0.0)
      activesupport (= 3.0.0)
    activesupport (3.0.0)
    acts-as-taggable-on (2.0.6)
    amazon-ecs (0.5.7)
      hpricot (>= 0.4)
      ruby-hmac (>= 0.3.2)
    arel (1.0.1)
      activesupport (~> 3.0.0)
    astrails-safe (0.2.7)
      aws-s3
      cloudfiles
      net-sftp
    attribute_normalizer (0.3.1)
    aws-s3 (0.6.2)
      builder
      mime-types
      xml-simple
    babosa (0.2.0)
    bcrypt-ruby (2.1.2)
    bluecloth (2.0.7)
    builder (2.1.2)
    cancan (1.3.4)
    cloudfiles (1.4.8)
      mime-types (>= 1.16)
    configatron (2.6.3)
      yamler (>= 0.1.0)
    daemons (1.1.0)
    devise (1.1.3)
      bcrypt-ruby (~> 2.1.2)
      warden (~> 0.10.7)
    erubis (2.6.6)
      abstract (>= 1.0.0)
    escape (0.0.4)
    extractcontent (0.0.1)
    fastercsv (1.5.3)
    file_wrapper (0.4.1)
    formatize (1.0.0)
      RedCloth (~> 4.2)
      actionpack (= 3.0.0)
      bluecloth (~> 2.0)
    friendly_id (3.1.7)
      babosa (~> 0.2.0)
    has_scope (0.5.0)
    hpricot (0.8.2)
    hpricot (0.8.2-java)
    i18n (0.4.1)
    inherited_resources (1.1.2)
      has_scope (~> 0.5.0)
      responders (~> 0.6.0)
    isbn-tools (0.1.0)
    mail (2.2.6.1)
      activesupport (>= 2.3.6)
      mime-types
      treetop (>= 1.4.5)
    marc (0.4.0)
    memcache-client (1.8.5)
    mime-types (1.16)
    money (3.1.0)
    net-sftp (2.0.5)
      net-ssh (>= 2.0.9)
    net-ssh (2.0.23)
    nokogiri (1.4.3.1)
    nokogiri (1.4.3.1-java)
      weakling (>= 0.0.3)
    oauth (0.4.3)
    oink (0.1.0)
    paper_trail (1.5.2)
    paperclip (2.3.3)
      activerecord
      activesupport
    pg (0.9.0)
    polyglot (0.3.1)
    pr_geohash (1.0.0)
    prawn (0.8.4)
      prawn-core (>= 0.8.4, < 0.9)
      prawn-layout (>= 0.8.4, < 0.9)
      prawn-security (>= 0.8.4, < 0.9)
    prawn-core (0.8.4)
    prawn-layout (0.8.4)
    prawn-security (0.8.4)
    prism (0.1.0)
      nokogiri
    rack (1.2.1)
    rack-mount (0.6.13)
      rack (>= 1.0.0)
    rack-openid (1.2.0)
      rack (>= 1.1.0)
      ruby-openid (>= 2.1.8)
    rack-test (0.5.5)
      rack (>= 1.0)
    rails (3.0.0)
      actionmailer (= 3.0.0)
      actionpack (= 3.0.0)
      activerecord (= 3.0.0)
      activeresource (= 3.0.0)
      activesupport (= 3.0.0)
      bundler (~> 1.0.0)
      railties (= 3.0.0)
    rails-geocoder (0.9.4)
    railties (3.0.0)
      actionpack (= 3.0.0)
      activesupport (= 3.0.0)
      rake (>= 0.8.4)
      thor (~> 0.14.0)
    rake (0.8.7)
    recurrence (0.1.3)
      activesupport
    responders (0.6.2)
    ri_cal (0.8.7)
    rscribd (1.2.0)
      mime-types
    rsolr (0.12.1)
      builder (>= 2.1.2)
    ruby-hmac (0.4.0)
    ruby-openid (2.1.8)
    sitemap_generator (1.1.0)
    state_machine (0.9.4)
    strongbox (0.3.2)
    sunspot (1.2.rc4)
      escape (= 0.0.4)
      pr_geohash (~> 1.0)
      rsolr (= 0.12.1)
    sunspot_rails (1.2.rc4)
      sunspot (= 1.2.rc4)
    system_timer (1.0)
    thor (0.14.1)
    treetop (1.4.8)
      polyglot (>= 0.3.1)
    tzinfo (0.3.23)
    unicorn (1.1.3)
      rack
    warden (0.10.7)
      rack (>= 1.0.0)
    warden_oauth (0.1.1)
      oauth
      warden (>= 0.8.1)
    weakling (0.0.4-java)
    whenever (0.5.2)
      aaronh-chronic (>= 0.3.9)
      activesupport (>= 2.3.4)
    xml-simple (1.0.12)
    yamler (0.1.0)
    zipruby (0.3.6)

PLATFORMS
  java
  ruby

DEPENDENCIES
  RedCloth
  acts-as-taggable-on
  amazon-ecs
  astrails-safe
  attribute_normalizer
  aws-s3
  bcrypt-ruby
  cancan
  configatron
  delayed_job!
  devise
  exception_notification!
  extractcontent
  fastercsv
  file_wrapper
  formatize
  friendly_id
  has_scope
  inherited_resources
  isbn-tools
  marc
  memcache-client
  money
  nokogiri
  oink
  paper_trail
  paperclip
  pg
  prawn
  prism
  rack-openid
  rails (= 3.0.0)
  rails-geocoder
  recurrence
  ri_cal
  scribd_fu!
  sitemap_generator
  state_machine
  strongbox
  sunspot_rails (= 1.2.rc4)
  system_timer
  unicorn
  warden
  warden_oauth
  whenever
  will_paginate!
  zipruby
