GIT
  remote: git://github.com/dce/paperclip-meta.git
  revision: 07ef72bf5cfa84bbae454e61872d7eb1caf2a74b
  specs:
    paperclip-meta (0.4.1)
      paperclip

GIT
  remote: git://github.com/nabeta/enju_barcode.git
  revision: 03d941c50a6f3fcfbf985341739addaf8849702a
  specs:
    enju_barcode (0.0.3)
      barby (~> 0.5)
      cancan
      devise
      rails (~> 3.2)
      rqrcode
      will_paginate

GIT
  remote: git://github.com/nabeta/enju_book_jacket.git
  revision: 0d52b21f96b0e4d73a2df2afd0183cae6c3dd367
  specs:
    enju_book_jacket (0.0.1)
      configatron
      rails (~> 3.2)

GIT
  remote: git://github.com/nabeta/enju_bookmark.git
  revision: c38751883e726561615ad354a8c957bb3a43d0bf
  specs:
    enju_bookmark (0.0.17)
      acts-as-taggable-on (~> 2.3)
      acts_as_list (~> 0.1.6)
      addressable
      attribute_normalizer (~> 1.1)
      cancan
      devise
      friendly_id (~> 4.0)
      rails (~> 3.2)
      state_machine
      sunspot_rails
      sunspot_solr
      will_paginate (~> 3.0)

GIT
  remote: git://github.com/nabeta/enju_circulation.git
  revision: 2fb23b3a0c840b58d7c9dba25a4bd16dc66d1f54
  specs:
    enju_circulation (0.0.48)
      acts_as_list (~> 0.1.6)
      attribute_normalizer (~> 1.1)
      cancan
      devise
      enju_event (>= 0.0.12)
      enju_message (>= 0.0.18)
      friendly_id (~> 4.0)
      inherited_resources
      rails (~> 3.2)
      simple_form
      state_machine
      sunspot_rails
      validates_timeliness
      will_paginate (~> 3.0)

GIT
  remote: git://github.com/nabeta/enju_event.git
  revision: 9124737eadfe863986a2750f7458875f29b57962
  specs:
    enju_event (0.1.9)
      acts_as_list (~> 0.1.6)
      addressable
      attribute_normalizer (~> 1.1)
      cancan
      configatron
      devise
      enju_message (>= 0.0.19)
      event-calendar (~> 2.3.3)
      friendly_id (~> 4.0)
      has_scope
      inherited_resources
      paperclip
      rails (~> 3.2)
      simple_form
      state_machine
      sunspot_rails
      sunspot_solr
      will_paginate (~> 3.0)

GIT
  remote: git://github.com/nabeta/enju_inter_library_loan.git
  revision: 1879669f1412327123700b928c1088a508a38c18
  specs:
    enju_inter_library_loan (0.0.4)
      acts_as_list (~> 0.1.6)
      addressable
      attribute_normalizer (~> 1.1)
      cancan
      devise
      friendly_id (~> 4.0)
      rails (~> 3.2)
      state_machine
      sunspot_rails
      sunspot_solr
      will_paginate

GIT
  remote: git://github.com/nabeta/enju_inventory.git
  revision: 2ad69fae5c8c5e5c1a00e177d4a6c0b02040018c
  specs:
    enju_inventory (0.1.5)
      cancan
      devise
      inherited_resources
      paperclip (~> 3.0)
      rails (~> 3.2)
      sunspot_rails
      sunspot_solr
      will_paginate

GIT
  remote: git://github.com/nabeta/enju_manifestation_viewer.git
  revision: 59a3037c304ce907a1f66a8dcc837acc1603fc0f
  specs:
    enju_manifestation_viewer (0.0.1)
      addressable
      rails (~> 3.2)

GIT
  remote: git://github.com/nabeta/enju_message.git
  revision: fe174a6ea3570b6956fa0c18749f888aa1064e2a
  specs:
    enju_message (0.1.7)
      acts_as_list (~> 0.1.6)
      addressable
      attribute_normalizer (~> 1.1)
      awesome_nested_set (~> 2.1)
      cancan
      configatron
      delayed_job_active_record
      devise
      friendly_id (~> 4.0)
      inherited_resources
      rails (~> 3.2)
      simple_form
      state_machine
      sunspot_rails
      sunspot_solr
      will_paginate (~> 3.0)

GIT
  remote: git://github.com/nabeta/enju_ndl.git
  revision: af89fbe7d3cdf45a3350f5d25bda8a3c1f29006b
  specs:
    enju_ndl (0.0.27)
      acts_as_list
      attribute_normalizer
      devise
      library_stdnums
      nokogiri
      rails (~> 3.2)
      sunspot_rails
      sunspot_solr
      will_paginate (~> 3.0)

GIT
  remote: git://github.com/nabeta/enju_oai.git
  revision: 4e35abdff93e0b9f4ef6ebd89f1c715e4967f90e
  specs:
    enju_oai (0.0.3)
      acts_as_list
      attribute_normalizer (~> 1.1)
      cancan
      configatron
      devise
      friendly_id (~> 4.0)
      mobile-fu
      rails (~> 3.2)
      sunspot_rails
      will_paginate

GIT
  remote: git://github.com/nabeta/enju_purchase_request.git
  revision: d49bfbad1ca20c80caec6a81af5db15361cbbe05
  specs:
    enju_purchase_request (0.0.10)
      acts_as_list (~> 0.1.6)
      addressable
      attribute_normalizer (~> 1.1)
      cancan
      configatron
      devise
      rails (~> 3.2)
      state_machine
      sunspot_rails
      will_paginate (~> 3.0)

GIT
  remote: git://github.com/nabeta/enju_question.git
  revision: 368392ecab81b38167ccc778b52cdab8fc78fb59
  specs:
    enju_question (0.0.17)
      acts-as-taggable-on (~> 2.2)
      acts_as_list (~> 0.1.6)
      cancan
      devise
      enju_ndl (~> 0.0.23)
      friendly_id (~> 4.0)
      nokogiri
      rails (~> 3.2)
      simple_form
      sunspot_rails
      sunspot_solr
      will_paginate (~> 3.0)

GIT
  remote: git://github.com/nabeta/enju_resource_merge.git
  revision: 86070c9bc817944bc818ad9ee3412c884eafaea6
  specs:
    enju_resource_merge (0.0.10)
      acts_as_list (~> 0.1.6)
      attribute_normalizer (~> 1.1)
      cancan
      devise
      dynamic_form
      inherited_resources
      rails (~> 3.2)
      sunspot_rails
      sunspot_solr
      will_paginate (~> 3.0)

GIT
  remote: git://github.com/nabeta/enju_search_log.git
  revision: 053376f42f2cfb63e1785ff14d56d3746f430ef2
  specs:
    enju_search_log (0.0.5)
      cancan
      devise
      rails (~> 3.2)
      will_paginate

GIT
  remote: git://github.com/nabeta/enju_subject.git
  revision: 3f0a960ed34f1d54fb2c13f379305f36f3809ee7
  specs:
    enju_subject (0.0.15)
      acts_as_list (~> 0.1.6)
      attribute_normalizer (~> 1.1)
      cancan
      devise
      dynamic_form
      friendly_id (~> 4.0)
      inherited_resources
      rails (~> 3.2)
      sunspot_rails
      sunspot_solr
      will_paginate (~> 3.0)

GIT
  remote: git://github.com/nabeta/isbn-tools.git
  revision: 05e31384f167aa7d1e560f76c1c3faf104d64709
  specs:
    isbn-tools (0.2.0)

GIT
  remote: git://github.com/nabeta/sunspot-rails-tester.git
  revision: 733d46622fd4080836ee688f00acdd2b77395af9
  specs:
    sunspot-rails-tester (0.0.4)
      sunspot_rails
      sunspot_solr

GIT
  remote: git://github.com/next-l/enju_biblio.git
  revision: 41d2e747169ef164f57a2ee10d1a1234048d9888
  specs:
    enju_biblio (0.0.1)
      acts_as_list
      addressable
      attribute_normalizer (~> 1.1)
      aws-sdk
      cancan
      configatron
      devise
      enju_ndl
      enju_oai
      has_scope
      inherited_resources
      marc
      paper_trail
      paperclip
      paperclip-meta
      rails (~> 3.2)
      state_machine
      sunspot_rails
      sunspot_rails
      validates_timeliness
      will_paginate

GIT
  remote: git://github.com/next-l/enju_library.git
  revision: a5fb328d2f48348db0e68e140be39a3f01fae636
  specs:
    enju_library (0.0.1)
      acts_as_list (~> 0.1.6)
      addressable
      attribute_normalizer (~> 1.1)
      cancan
      devise
      friendly_id (~> 4.0)
      geocoder
      inherited_resources
      rails (~> 3.2)
      sunspot_rails
      will_paginate

GEM
  remote: https://rubygems.org/
  specs:
    RedCloth (4.2.9)
    actionmailer (3.2.3)
      actionpack (= 3.2.3)
      mail (~> 2.4.4)
    actionpack (3.2.3)
      activemodel (= 3.2.3)
      activesupport (= 3.2.3)
      builder (~> 3.0.0)
      erubis (~> 2.7.0)
      journey (~> 1.0.1)
      rack (~> 1.4.0)
      rack-cache (~> 1.2)
      rack-test (~> 0.6.1)
      sprockets (~> 2.1.2)
    activemodel (3.2.3)
      activesupport (= 3.2.3)
      builder (~> 3.0.0)
    activerecord (3.2.3)
      activemodel (= 3.2.3)
      activesupport (= 3.2.3)
      arel (~> 3.0.2)
      tzinfo (~> 0.3.29)
    activeresource (3.2.3)
      activemodel (= 3.2.3)
      activesupport (= 3.2.3)
    activesupport (3.2.3)
      i18n (~> 0.6)
      multi_json (~> 1.0)
    acts-as-taggable-on (2.3.1)
      rails (~> 3.0)
    acts_as_list (0.1.6)
    addressable (2.2.8)
    annotate (2.4.1.beta1)
    arel (3.0.2)
    astrails-safe (0.2.7)
      aws-s3
      cloudfiles
      net-sftp
    attribute_normalizer (1.1.0)
    awesome_nested_set (2.1.3)
      activerecord (>= 3.0.0)
    aws-s3 (0.6.3)
      builder
      mime-types
      xml-simple
    aws-sdk (1.5.2)
      httparty (~> 0.7)
      json (~> 1.4)
      nokogiri (>= 1.4.4)
      uuidtools (~> 2.1)
    barby (0.5.0)
    bcrypt-ruby (3.0.1)
    builder (3.0.0)
    cancan (1.6.7)
    capybara (1.1.2)
      mime-types (>= 1.16)
      nokogiri (>= 1.3.3)
      rack (>= 1.0.0)
      rack-test (>= 0.5.4)
      selenium-webdriver (~> 2.0)
      xpath (~> 0.1.4)
    childprocess (0.3.2)
      ffi (~> 1.0.6)
    chronic (0.6.7)
    client_side_validations (3.2.0.beta.3)
    cloudfiles (1.5.0.1)
      json
    cocaine (0.2.1)
    coffee-rails (3.2.2)
      coffee-script (>= 2.2.0)
      railties (~> 3.2.0)
    coffee-script (2.2.0)
      coffee-script-source
      execjs
    coffee-script-source (1.3.3)
    configatron (2.9.1)
      yamler (>= 0.1.0)
    daemons (1.1.8)
    dalli (2.0.5)
    delayed_job (3.0.3)
      activesupport (~> 3.0)
    delayed_job_active_record (0.3.2)
      activerecord (> 2.1.0)
      delayed_job (~> 3.0.0)
    devise (2.1.0)
      bcrypt-ruby (~> 3.0)
      orm_adapter (~> 0.0.7)
      railties (~> 3.1)
      warden (~> 1.1.1)
    devise-encryptable (0.1.1)
      devise (>= 2.1.0.rc)
    diff-lcs (1.1.3)
    dynamic_form (1.1.4)
    erubis (2.7.0)
    event-calendar (2.3.3)
    exception_notification (2.6.1)
      actionmailer (>= 3.0.4)
    execjs (1.4.0)
      multi_json (~> 1.0)
    factory_girl (3.3.0)
      activesupport (>= 3.0.0)
    factory_girl_rails (3.3.0)
      factory_girl (~> 3.3.0)
      railties (>= 3.0.0)
    fakeweb (1.3.0)
    fattr (2.2.1)
    ffi (1.0.11)
    foreigner (1.1.6)
      activerecord (>= 3.0.0)
    friendly_id (4.0.6)
    geocoder (1.1.2)
    guard (1.0.3)
      ffi (>= 0.5.0)
      thor (>= 0.14.6)
    guard-rspec (0.7.3)
      guard (>= 0.10.0)
    has_scope (0.5.1)
    highline (1.6.12)
    hike (1.2.1)
    httparty (0.8.3)
      multi_json (~> 1.0)
      multi_xml
    i18n (0.6.0)
    immigrant (0.1.2)
      activerecord (>= 3.0)
      foreigner (>= 1.1.6)
    inherited_resources (1.3.1)
      has_scope (~> 0.5.0)
      responders (~> 0.6)
    journey (1.0.3)
    jquery-rails (2.0.2)
      railties (>= 3.2.0, < 5.0)
      thor (~> 0.14)
    json (1.7.3)
    kgio (2.7.4)
    library_stdnums (1.1.0)
    libwebsocket (0.1.3)
      addressable
    mail (2.4.4)
      i18n (>= 0.4.0)
      mime-types (~> 1.16)
      treetop (~> 1.4.8)
    marc (0.5.0)
    mime-types (1.18)
    mobile-fu (1.1.0)
      rack-mobile-detect
      rails
    multi_json (1.3.6)
    multi_xml (0.5.1)
    net-sftp (2.0.5)
      net-ssh (>= 2.0.9)
    net-ssh (2.5.2)
    nokogiri (1.5.2)
    options (2.3.0)
      fattr
    orm_adapter (0.0.7)
    paper_trail (2.6.3)
      activerecord (~> 3.0)
      railties (~> 3.0)
    paperclip (3.0.4)
      activemodel (>= 3.0.0)
      activerecord (>= 3.0.0)
      activesupport (>= 3.0.0)
      cocaine (>= 0.0.2)
      mime-types
    parallel (0.5.16)
    parallel_tests (0.8.2)
      parallel
    pg (0.13.2)
    polyglot (0.3.3)
    pr_geohash (1.0.0)
    progress_bar (0.4.0)
      highline (~> 1.6.1)
      options (~> 2.3.0)
    rack (1.4.1)
    rack-cache (1.2)
      rack (>= 0.4)
    rack-mobile-detect (0.3.0)
      rack
    rack-protection (1.2.0)
      rack
    rack-ssl (1.3.2)
      rack
    rack-test (0.6.1)
      rack (>= 1.0)
    rails (3.2.3)
      actionmailer (= 3.2.3)
      actionpack (= 3.2.3)
      activerecord (= 3.2.3)
      activeresource (= 3.2.3)
      activesupport (= 3.2.3)
      bundler (~> 1.0)
      railties (= 3.2.3)
    rails-erd (0.4.5)
      activerecord (~> 3.0)
      activesupport (~> 3.0)
      ruby-graphviz (~> 0.9.18)
    rails_autolink (1.0.9)
      rails (~> 3.1)
    railties (3.2.3)
      actionpack (= 3.2.3)
      activesupport (= 3.2.3)
      rack-ssl (~> 1.3.2)
      rake (>= 0.8.7)
      rdoc (~> 3.4)
      thor (~> 0.14.6)
    rake (0.9.2.2)
    rdoc (3.12)
      json (~> 1.4)
    responders (0.9.1)
      railties (~> 3.1)
    ri_cal (0.8.8)
    rqrcode (0.4.2)
    rsolr (1.0.8)
      builder (>= 2.1.2)
    rspec (2.10.0)
      rspec-core (~> 2.10.0)
      rspec-expectations (~> 2.10.0)
      rspec-mocks (~> 2.10.0)
    rspec-core (2.10.1)
    rspec-expectations (2.10.0)
      diff-lcs (~> 1.1.3)
    rspec-mocks (2.10.1)
    rspec-rails (2.10.1)
      actionpack (>= 3.0)
      activesupport (>= 3.0)
      railties (>= 3.0)
      rspec (~> 2.10.0)
    ruby-graphviz (0.9.21)
    ruby-prof (0.11.2)
    rubyzip (0.9.8)
    sanitize (2.0.3)
      nokogiri (>= 1.4.4, < 1.6)
    sass (3.1.19)
    sass-rails (3.2.5)
      railties (~> 3.2.0)
      sass (>= 3.1.10)
      tilt (~> 1.3)
    selenium-webdriver (2.22.0)
      childprocess (>= 0.2.5)
      ffi (~> 1.0)
      libwebsocket (~> 0.1.3)
      multi_json (~> 1.0)
      rubyzip
    simple_form (2.0.2)
      actionpack (~> 3.0)
      activemodel (~> 3.0)
    simplecov (0.6.4)
      multi_json (~> 1.0)
      simplecov-html (~> 0.5.3)
    simplecov-html (0.5.3)
    sitemap_generator (3.1.1)
      builder
    spork (1.0.0rc3)
    spork-rails (3.2.0)
      rails (>= 3.0.0, < 3.3.0)
      spork (>= 1.0rc0)
    sprockets (2.1.3)
      hike (~> 1.2)
      rack (~> 1.0)
      tilt (~> 1.1, != 1.3.0)
    state_machine (1.1.2)
    steak (2.0.0)
      capybara (>= 1.0.0)
      rspec-rails (>= 2.5.0)
    strong_parameters (0.1.3)
      actionpack (>= 3.2.0)
      activemodel (>= 3.2.0)
    sunspot (2.0.0.pre.120417)
      pr_geohash (~> 1.0)
      rsolr (~> 1.0.7)
    sunspot_rails (2.0.0.pre.120417)
      nokogiri
      sunspot (= 2.0.0.pre.120417)
    sunspot_solr (2.0.0.pre.120417)
    thor (0.14.6)
    tilt (1.3.3)
    timecop (0.3.5)
    timeliness (0.3.6)
    treetop (1.4.10)
      polyglot
      polyglot (>= 0.3.1)
    tzinfo (0.3.33)
    uglifier (1.2.4)
      execjs (>= 0.3.0)
      multi_json (>= 1.0.2)
    uuidtools (2.1.2)
    validates_timeliness (3.0.11)
      timeliness (~> 0.3.6)
    vcr (2.1.1)
    warden (1.1.1)
      rack (>= 1.0)
    whenever (0.7.3)
      activesupport (>= 2.3.4)
      chronic (~> 0.6.3)
    will_paginate (3.0.3)
    xml-simple (1.1.1)
    xpath (0.1.4)
      nokogiri (~> 1.3)
    yamler (0.1.0)
    zipruby (0.3.6)

PLATFORMS
  ruby

DEPENDENCIES
  RedCloth (>= 4.2.9)
  activerecord-jdbc-adapter
  addressable
  annotate (~> 2.4.1.beta1)
  astrails-safe
  attribute_normalizer (~> 1.1)
  awesome_nested_set (~> 2.1)
  aws-sdk
  cancan (>= 1.6.7)
  client_side_validations (~> 3.2.0.beta.3)
  coffee-rails (~> 3.2.1)
  configatron
  daemons
  dalli (~> 2.0)
  delayed_job_active_record
  devise (~> 2.1)
  devise-encryptable
  dynamic_form
  enju_barcode!
  enju_biblio!
  enju_book_jacket!
  enju_bookmark!
  enju_circulation!
  enju_event!
  enju_inter_library_loan!
  enju_inventory!
  enju_library!
  enju_manifestation_viewer!
  enju_message!
  enju_ndl!
  enju_oai!
  enju_purchase_request!
  enju_question!
  enju_resource_merge!
  enju_search_log!
  enju_subject!
  exception_notification (~> 2.6)
  factory_girl_rails (~> 3.2)
  fakeweb
  foreigner
  friendly_id (~> 4.0)
  geocoder
  glassfish
  guard-rspec
  has_scope
  immigrant
  inherited_resources (~> 1.3)
  isbn-tools!
  jdbc-postgres
  jquery-rails
  jruby-openssl
  kgio
  library_stdnums
  mobile-fu
  paper_trail (~> 2.6)
  paperclip (~> 3.0)
  paperclip-meta!
  parallel_tests (~> 0.8)
  pg
  progress_bar
  rack-protection
  rails (= 3.2.3)
  rails-erd
  rails_autolink
  ri_cal
  rspec-rails (~> 2.10)
  ruby-prof
  rubyzip2
  sanitize
  sass-rails (~> 3.2.3)
  simple_form (~> 2.0)
  simplecov (~> 0.6)
  sitemap_generator (~> 3.1)
  spork-rails
  state_machine (~> 1.1.2)
  steak
  strong_parameters
  sunspot-rails-tester!
  sunspot_rails (~> 2.0.0.pre.120417)
  sunspot_solr (~> 2.0.0.pre.120417)
  timecop
  uglifier (>= 1.0.3)
  validates_timeliness
  vcr (~> 2.1)
  whenever
  will_paginate (~> 3.0)
  zipruby
