GIT
  remote: git://github.com/haihappen/acts_as_list.git
  revision: 2d31225cb83e2c6867045ef9bd6d14cf5ff59059
  specs:
    acts_as_list (0.0.3)

GIT
  remote: git://github.com/nabeta/isbn-tools.git
  revision: 05e31384f167aa7d1e560f76c1c3faf104d64709
  specs:
    isbn-tools (0.2.0)

GIT
  remote: git://github.com/outoftime/sunspot.git
  revision: 82a14abc01d365be12b722cdc58cb985fa39a67b
  specs:
    sunspot (1.2.1)
      escape (= 0.0.4)
      pr_geohash (~> 1.0)
      rsolr (= 0.12.1)
    sunspot_rails (1.2.1)
      nokogiri
      sunspot (= 1.2.1)

GIT
  remote: git://github.com/rspec/rspec-rails.git
  revision: e0cd00c057bf73d1a47d79f5315a78e37a1dbcd2
  specs:
    rspec-rails (2.6.1)
      actionpack (~> 3.0)
      activesupport (~> 3.0)
      railties (~> 3.0)
      rspec (~> 2.6.0)

GIT
  remote: git://github.com/wantful/will_paginate.git
  revision: f9825e371a516ef2662ab1743dc586002d64825d
  branch: rails3
  specs:
    will_paginate (3.0.pre3)

GEM
  remote: http://rubygems.org/
  specs:
    Ascii85 (1.0.1)
    RedCloth (4.2.7)
    RedCloth (4.2.7-java)
    Saikuro (1.1.0)
    aaronh-chronic (0.3.9)
    actionmailer (3.1.0.rc4)
      actionpack (= 3.1.0.rc4)
      mail (~> 2.3.0)
    actionpack (3.1.0.rc4)
      activemodel (= 3.1.0.rc4)
      activesupport (= 3.1.0.rc4)
      builder (~> 3.0.0)
      erubis (~> 2.7.0)
      i18n (~> 0.6)
      rack (~> 1.3.0)
      rack-cache (~> 1.0.1)
      rack-mount (~> 0.8.1)
      rack-test (~> 0.6.0)
      sprockets (~> 2.0.0.beta.10)
      tzinfo (~> 0.3.27)
    activemodel (3.1.0.rc4)
      activesupport (= 3.1.0.rc4)
      bcrypt-ruby (~> 2.1.4)
      builder (~> 3.0.0)
      i18n (~> 0.6)
    activerecord (3.1.0.rc4)
      activemodel (= 3.1.0.rc4)
      activesupport (= 3.1.0.rc4)
      arel (~> 2.1.1)
      tzinfo (~> 0.3.27)
    activerecord-jdbc-adapter (1.1.2)
    activeresource (3.1.0.rc4)
      activemodel (= 3.1.0.rc4)
      activesupport (= 3.1.0.rc4)
    activesupport (3.1.0.rc4)
      multi_json (~> 1.0)
    acts-as-taggable-on (2.0.6)
    addressable (2.2.4)
    amazon-ecs (2.0.0)
      nokogiri (>= 1.4.0)
      ruby-hmac (>= 0.3.2)
    arel (2.1.1)
    arrayfields (4.7.4)
    astrails-safe (0.2.7)
      aws-s3
      cloudfiles
      net-sftp
    attribute_normalizer (0.3.1)
    aws-s3 (0.6.2)
      builder
      mime-types
      xml-simple
    babosa (0.3.5)
    barby (0.4.3)
    bcrypt-ruby (2.1.4)
    bcrypt-ruby (2.1.4-java)
    bouncy-castle-java (1.5.0146.1)
    builder (3.0.0)
    cancan (1.6.5)
    chronic (0.3.0)
    churn (0.0.13)
      chronic (>= 0.2.3)
      hirb
      json_pure
      main
      ruby_parser (~> 2.0.4)
      sexp_processor (~> 3.0.3)
    client_side_validations (3.0.10)
    cloudfiles (1.4.17)
      mime-types (>= 1.16)
    colored (1.2)
    configatron (2.8.1)
      yamler (>= 0.1.0)
    daemons (1.1.4)
    dalli (1.0.5)
    delayed_job (2.1.4)
      activesupport (~> 3.0)
      daemons
    devise (1.3.4)
      bcrypt-ruby (~> 2.1.2)
      orm_adapter (~> 0.0.3)
      warden (~> 1.0.3)
    diff-lcs (1.1.2)
    dynamic_form (1.1.4)
    erubis (2.7.0)
    escape (0.0.4)
    event-calendar (2.3.3)
    exception_notification (2.4.1)
    extractcontent (0.0.1)
    factory_girl (1.3.3)
    factory_girl_rails (1.0.1)
      factory_girl (~> 1.3)
      railties (>= 3.0.0)
    faraday (0.6.1)
      addressable (~> 2.2.4)
      multipart-post (~> 1.1.0)
      rack (< 2, >= 1.1.0)
    fattr (2.2.0)
    file_wrapper (0.4.1)
    flay (1.4.2)
      ruby_parser (~> 2.0)
      sexp_processor (~> 3.0)
    flog (2.5.1)
      ruby_parser (~> 2.0)
      sexp_processor (~> 3.0)
    formtastic (1.2.4)
      actionpack (>= 2.3.7)
      activesupport (>= 2.3.7)
      i18n (~> 0.4)
    friendly_id (3.2.1.1)
      babosa (~> 0.3.0)
    geocoder (1.0.1)
    glassfish (1.0.3-java)
      rack (>= 0.4.0)
    guard (0.4.2)
      thor (~> 0.14.6)
    guard-rspec (0.4.0)
      guard (>= 0.4.0)
    haml (3.1.2)
    has_scope (0.5.0)
    hike (1.1.0)
    hirb (0.4.5)
    i18n (0.6.0)
    inherited_resources (1.2.2)
      has_scope (~> 0.5.0)
      responders (~> 0.6.0)
    jdbc-postgres (9.0.801)
    jpmobile (1.0.0.pre.4)
    jquery-rails (1.0.11)
      railties (~> 3.0)
      thor (~> 0.14)
    jruby-openssl (0.7.4)
      bouncy-castle-java
    json_pure (1.5.3)
    library_stdnums (1.0.1)
    mail (2.3.0)
      i18n (>= 0.4.0)
      mime-types (~> 1.16)
      treetop (~> 1.4.8)
    main (4.4.0)
      arrayfields (>= 4.7.4)
      fattr (>= 2.1.0)
    marc (0.4.3)
    metric_fu (2.1.1)
      Saikuro (>= 1.1.0)
      activesupport (>= 2.0.0)
      chronic (~> 0.3.0)
      churn (>= 0.0.7)
      flay (>= 1.2.1)
      flog (>= 2.3.0)
      rails_best_practices (>= 0.6.4)
      rcov (>= 0.8.3.3)
      reek (>= 1.2.6)
      roodi (>= 2.1.0)
      syntax
    mime-types (1.16)
    money (3.7.1)
      i18n (~> 0.4)
    multi_json (1.0.3)
    multi_xml (0.2.2)
    multipart-post (1.1.2)
    net-ldap (0.2.2)
    net-sftp (2.0.5)
      net-ssh (>= 2.0.9)
    net-ssh (2.1.4)
    nokogiri (1.4.6)
    nokogiri (1.4.6-java)
      weakling (>= 0.0.3)
    oa-basic (0.2.6)
      oa-core (= 0.2.6)
      rest-client (~> 1.6.0)
    oa-core (0.2.6)
    oa-enterprise (0.2.6)
      addressable (= 2.2.4)
      net-ldap (~> 0.2.2)
      nokogiri (~> 1.4.2)
      oa-core (= 0.2.6)
      pyu-ruby-sasl (~> 0.0.3.1)
      rubyntlm (~> 0.1.1)
    oa-more (0.2.6)
      multi_json (~> 1.0.0)
      oa-core (= 0.2.6)
      rest-client (~> 1.6.0)
    oa-oauth (0.2.6)
      faraday (~> 0.6.1)
      multi_json (~> 1.0.0)
      multi_xml (~> 0.2.2)
      oa-core (= 0.2.6)
      oauth (~> 0.4.0)
      oauth2 (~> 0.4.1)
    oa-openid (0.2.6)
      oa-core (= 0.2.6)
      rack-openid (~> 1.3.1)
      ruby-openid-apps-discovery (~> 1.2.0)
    oauth (0.4.4)
    oauth2 (0.4.1)
      faraday (~> 0.6.1)
      multi_json (>= 0.0.5)
    omniauth (0.2.6)
      oa-basic (= 0.2.6)
      oa-core (= 0.2.6)
      oa-enterprise (= 0.2.6)
      oa-more (= 0.2.6)
      oa-oauth (= 0.2.6)
      oa-openid (= 0.2.6)
    orm_adapter (0.0.5)
    paper_trail (2.2.4)
      rails (~> 3)
    paperclip (2.3.11)
      activerecord (>= 2.3.0)
      activesupport (>= 2.3.2)
    parallel (0.5.5)
    parallel_tests (0.4.21)
      parallel
    pdf-reader (0.9.2)
      Ascii85 (>= 0.9)
    pg (0.11.0)
    polyglot (0.3.1)
    pr_geohash (1.0.0)
    prawn (0.11.1)
      pdf-reader (>= 0.9.0)
      ttfunk (~> 1.0.0)
    prawnto (0.0.4)
      prawn
      rails (>= 2.1)
    prism (0.1.0)
      nokogiri
    pyu-ruby-sasl (0.0.3.3)
    rack (1.3.0)
    rack-cache (1.0.2)
      rack (>= 0.4)
    rack-mount (0.8.1)
      rack (>= 1.0.0)
    rack-openid (1.3.1)
      rack (>= 1.1.0)
      ruby-openid (>= 2.1.8)
    rack-ssl (1.3.2)
      rack
    rack-test (0.6.0)
      rack (>= 1.0)
    rails (3.1.0.rc4)
      actionmailer (= 3.1.0.rc4)
      actionpack (= 3.1.0.rc4)
      activerecord (= 3.1.0.rc4)
      activeresource (= 3.1.0.rc4)
      activesupport (= 3.1.0.rc4)
      bundler (~> 1.0)
      railties (= 3.1.0.rc4)
    rails_autolink (1.0.2)
      rails (~> 3.1.0.a)
    rails_best_practices (0.9.0)
      activesupport
      colored
      erubis
      haml
      i18n
      ruby-progressbar
      ruby_parser
    railties (3.1.0.rc4)
      actionpack (= 3.1.0.rc4)
      activesupport (= 3.1.0.rc4)
      rack-ssl (~> 1.3.2)
      rake (>= 0.8.7)
      rdoc (~> 3.4)
      thor (~> 0.14.6)
    rake (0.9.2)
    rcov (0.9.9)
    rcov (0.9.9-java)
    rdoc (3.6.1)
    recurrence (1.0.2)
      activesupport (>= 2.3.0)
    reek (1.2.8)
      ruby2ruby (~> 1.2)
      ruby_parser (~> 2.0)
      sexp_processor (~> 3.0)
    responders (0.6.4)
    rest-client (1.6.3)
      mime-types (>= 1.16)
    ri_cal (0.8.8)
    roodi (2.1.0)
      ruby_parser
    rscribd (1.2.0)
      mime-types
    rsolr (0.12.1)
      builder (>= 2.1.2)
    rspec (2.6.0)
      rspec-core (~> 2.6.0)
      rspec-expectations (~> 2.6.0)
      rspec-mocks (~> 2.6.0)
    rspec-core (2.6.4)
    rspec-expectations (2.6.0)
      diff-lcs (~> 1.1.2)
    rspec-mocks (2.6.0)
    ruby-hmac (0.4.0)
    ruby-openid (2.1.8)
    ruby-openid-apps-discovery (1.2.0)
      ruby-openid (>= 2.1.7)
    ruby-prof (0.10.7)
    ruby-progressbar (0.0.10)
    ruby2ruby (1.2.5)
      ruby_parser (~> 2.0)
      sexp_processor (~> 3.0)
    ruby_parser (2.0.6)
      sexp_processor (~> 3.0)
    rubyntlm (0.1.1)
    rubyzip2 (2.0.1)
    sanitize (2.0.2)
      nokogiri (~> 1.4.4)
    scribd_fu (2.0.11)
      rscribd
    sexp_processor (3.0.5)
    simplecov (0.4.2)
      simplecov-html (~> 0.4.4)
    simplecov-html (0.4.5)
    sitemap_generator (2.0.1)
    spork (0.9.0.rc8)
    sprockets (2.0.0.beta.10)
      hike (~> 1.0)
      rack (~> 1.0)
      tilt (!= 1.3.0, ~> 1.1)
    state_machine (1.0.1)
    strongbox (0.4.7)
      activerecord
    syntax (1.0.0)
    system_timer (1.2.4)
    thor (0.14.6)
    tilt (1.3.2)
    treetop (1.4.9)
      polyglot (>= 0.3.1)
    ttfunk (1.0.1)
    tzinfo (0.3.28)
    warden (1.0.4)
      rack (>= 1.0)
    weakling (0.0.4-java)
    whenever (0.6.8)
      aaronh-chronic (>= 0.3.9)
      activesupport (>= 2.3.4)
    xml-simple (1.1.0)
    yamler (0.1.0)
    zipruby (0.3.6)

PLATFORMS
  java
  ruby

DEPENDENCIES
  RedCloth (>= 4.2.7)
  activerecord-jdbc-adapter
  acts-as-taggable-on
  acts_as_list!
  amazon-ecs (>= 2.0.0)
  astrails-safe
  attribute_normalizer
  aws-s3
  barby
  cancan (>= 1.6.5)
  client_side_validations
  configatron
  dalli
  delayed_job (>= 2.1.4)
  devise (>= 1.3.4)
  dynamic_form
  event-calendar
  exception_notification
  extractcontent
  factory_girl_rails
  file_wrapper
  formtastic
  friendly_id
  geocoder
  glassfish
  guard-rspec
  has_scope
  inherited_resources
  isbn-tools!
  jdbc-postgres
  jpmobile (>= 1.0.0.pre.4)
  jquery-rails
  jruby-openssl
  library_stdnums
  marc
  metric_fu
  money
  nokogiri
  omniauth
  paper_trail (>= 2.2.4)
  paperclip
  parallel_tests
  pg
  prawn
  prawnto
  prism
  rails (= 3.1.0.rc4)
  rails_autolink
  recurrence
  ri_cal
  rspec
  rspec-rails!
  ruby-prof
  rubyzip2
  sanitize
  scribd_fu
  simplecov (>= 0.4.0)
  sitemap_generator (>= 2.0.1)
  spork (~> 0.9.0.rc8)
  state_machine
  strongbox (>= 0.4.7)
  sunspot_rails!
  system_timer
  whenever
  will_paginate!
  zipruby
