GIT
  remote: git://github.com/justinko/sunspot-rails-tester.git
  revision: cd3c0e85834389a27c6809eeeab8dd2cb0a724f0
  specs:
    sunspot-rails-tester (0.0.4)
      sunspot_rails (>= 1.2)
      sunspot_solr (>= 1.2)

GIT
  remote: git://github.com/next-l/enju_biblio.git
  revision: 87c23f067d34fc7ea02f495fdfbacd9e27405381
  specs:
    enju_biblio (0.1.0.pre22)
      aws-sdk
      dynamic_form
      enju_core (~> 0.1.1.pre3)
      has_scope
      inherited_resources
      library_stdnums
      lisbn
      marc
      nested_form
      paper_trail
      paperclip (~> 3.4)
      paperclip-meta
      rails (~> 3.2.13.rc1)
      resque_mailer
      simple_form
      state_machine
      validates_timeliness

GIT
  remote: git://github.com/next-l/enju_book_jacket.git
  revision: 55a6cb9d0d3a7a94bf25215ebb2fd9bfa3ec42eb
  specs:
    enju_book_jacket (0.1.0.pre6)
      rails (~> 3.2)

GIT
  remote: git://github.com/next-l/enju_circulation.git
  revision: c89ad9dab0394eccd42c79148daab7b90feab38f
  specs:
    enju_circulation (0.1.0.pre13)
      enju_event (~> 0.1.17.pre5)
      enju_message (~> 0.1.14.pre)
      inherited_resources
      rails (~> 3.2.13.rc1)
      simple_form
      state_machine
      validates_timeliness

GIT
  remote: git://github.com/next-l/enju_core.git
  revision: 1ff688c9cfd08cf3c2f71f1ff43eaa1161b181c5
  specs:
    enju_core (0.1.1.pre3)
      acts_as_list
      addressable
      attribute_normalizer (~> 1.1)
      cancan
      dalli
      devise
      friendly_id (~> 4.0)
      kaminari
      nested_form
      rails (~> 3.2)
      resque
      settingslogic
      sunspot_rails (~> 2.0.0)

GIT
  remote: git://github.com/next-l/enju_event.git
  revision: 55d8e3cdd9165b38813ec15f74ff188493a16999
  specs:
    enju_event (0.1.17.pre7)
      enju_core (~> 0.1.1.pre3)
      enju_message (~> 0.1.14.pre3)
      event-calendar (~> 2.3.3)
      has_scope
      inherited_resources
      paperclip
      rails (~> 3.2)
      ri_cal
      simple_form
      state_machine

GIT
  remote: git://github.com/next-l/enju_export.git
  revision: 8cd4090c5cb311f87e3fe5a318e93b28379a64bc
  specs:
    enju_export (0.1.1.pre2)
      enju_biblio (~> 0.1.0.pre18)
      rails (~> 3.2)
      simple_form
      state_machine

GIT
  remote: git://github.com/next-l/enju_flower.git
  revision: bab528821a73276694d8a98636318c7d3bd6c3df
  specs:
    enju_flower (0.1.0.pre2)
      rails (~> 3.2.13.rc1)

GIT
  remote: git://github.com/next-l/enju_inter_library_loan.git
  revision: 43f8b7d4d28b2541f42afb80825ab2fa4ef9fdd0
  specs:
    enju_inter_library_loan (0.1.0.pre5)
      enju_biblio (~> 0.1.0.pre19)
      rails (~> 3.2)
      state_machine

GIT
  remote: git://github.com/next-l/enju_inventory.git
  revision: a2df2fca32dd8e578981e77b9ba32fd9a7837435
  specs:
    enju_inventory (0.1.11.pre5)
      enju_biblio (~> 0.1.0.pre22)
      inherited_resources
      rails (~> 3.2)

GIT
  remote: git://github.com/next-l/enju_library.git
  revision: 9b67bf2f66f04d021369fa3019b43e247e25800b
  specs:
    enju_library (0.1.0.pre11)
      enju_core (~> 0.1.1.pre3)
      geocoder
      inherited_resources
      rails (~> 3.2.13.rc1)

GIT
  remote: git://github.com/next-l/enju_manifestation_viewer.git
  revision: e35479af92c5fed49d52121249d62e1fa33ecea2
  specs:
    enju_manifestation_viewer (0.1.0.pre3)
      rails (~> 3.2)

GIT
  remote: git://github.com/next-l/enju_message.git
  revision: 5bd3d91c4bd045a711215df685a5ab6711fe435b
  specs:
    enju_message (0.1.14.pre3)
      awesome_nested_set (~> 2.1)
      enju_core (~> 0.1.1.pre3)
      inherited_resources
      rails (~> 3.2)
      resque_mailer
      simple_form
      state_machine

GIT
  remote: git://github.com/next-l/enju_ndl.git
  revision: 9a80b859a4237f6299792b1339f820a74c333a13
  specs:
    enju_ndl (0.1.0.pre9)
      library_stdnums
      lisbn
      nokogiri
      rails (~> 3.2)

GIT
  remote: git://github.com/next-l/enju_oai.git
  revision: ec7060bffdc507e00083b6df3aa38a72e349695e
  specs:
    enju_oai (0.1.0.pre7)
      rails (~> 3.2)

GIT
  remote: git://github.com/next-l/enju_purchase_request.git
  revision: fffd4a4a3a2af2eeb01ba571fb12234a9af1ce26
  specs:
    enju_purchase_request (0.1.0.pre5)
      enju_bookmark (~> 0.1.2.pre7)
      rails (~> 3.2)
      state_machine

GIT
  remote: git://github.com/next-l/enju_question.git
  revision: 801ae3557058f98dfa604b491e67afe8c0eb1b26
  specs:
    enju_question (0.1.0.pre5)
      acts-as-taggable-on (~> 2.3)
      enju_core (~> 0.1.1.pre3)
      rails (~> 3.2)
      simple_form

GIT
  remote: git://github.com/next-l/enju_resource_merge.git
  revision: f337748d0a21d2f651b84faf8d71a5da35c4b54c
  specs:
    enju_resource_merge (0.1.0.pre6)
      dynamic_form
      enju_biblio (~> 0.1.0.pre22)
      inherited_resources
      rails (~> 3.2)

GIT
  remote: git://github.com/next-l/enju_search_log.git
  revision: 8ab740ac73c9a8dc0a5e1716607dcce612d51aac
  specs:
    enju_search_log (0.1.0.pre3)
      enju_biblio (~> 0.1.0.pre19)
      rails (~> 3.2)

GIT
  remote: git://github.com/next-l/enju_subject.git
  revision: a49bce9527d55be9eb4fed8e1729567cc2fadb9e
  specs:
    enju_subject (0.1.0.pre5)
      dynamic_form
      enju_core (~> 0.1.1.pre3)
      inherited_resources
      rails (~> 3.2)

GEM
  remote: https://rubygems.org/
  specs:
    actionmailer (3.2.13.rc2)
      actionpack (= 3.2.13.rc2)
      mail (~> 2.5.3)
    actionpack (3.2.13.rc2)
      activemodel (= 3.2.13.rc2)
      activesupport (= 3.2.13.rc2)
      builder (~> 3.0.0)
      erubis (~> 2.7.0)
      journey (~> 1.0.4)
      rack (~> 1.4.5)
      rack-cache (~> 1.2)
      rack-test (~> 0.6.1)
      sprockets (~> 2.2.1)
    activemodel (3.2.13.rc2)
      activesupport (= 3.2.13.rc2)
      builder (~> 3.0.0)
    activerecord (3.2.13.rc2)
      activemodel (= 3.2.13.rc2)
      activesupport (= 3.2.13.rc2)
      arel (~> 3.0.2)
      tzinfo (~> 0.3.29)
    activeresource (3.2.13.rc2)
      activemodel (= 3.2.13.rc2)
      activesupport (= 3.2.13.rc2)
    activesupport (3.2.13.rc2)
      i18n (= 0.6.1)
      multi_json (~> 1.0)
    acts-as-taggable-on (2.3.3)
      rails (~> 3.0)
    acts_as_list (0.2.0)
      activerecord (>= 3.0)
    addressable (2.3.3)
    annotate (2.5.0)
      rake
    arel (3.0.2)
    attribute_normalizer (1.1.0)
    awesome_nested_set (2.1.6)
      activerecord (>= 3.0.0)
    aws-sdk (1.8.3.1)
      json (~> 1.4)
      nokogiri (>= 1.4.4)
      uuidtools (~> 2.1)
    bcrypt-ruby (3.0.1)
    builder (3.0.4)
    cancan (1.6.9)
    capybara (2.0.2)
      mime-types (>= 1.16)
      nokogiri (>= 1.3.3)
      rack (>= 1.0.0)
      rack-test (>= 0.5.4)
      selenium-webdriver (~> 2.0)
      xpath (~> 1.0.0)
    charlock_holmes (0.6.9.1)
    childprocess (0.3.9)
      ffi (~> 1.0, >= 1.0.11)
    choice (0.1.6)
    chronic (0.9.1)
    client_side_validations (3.2.2)
    climate_control (0.0.3)
      activesupport (>= 3.0)
    cocaine (0.5.1)
      climate_control (>= 0.0.3, < 1.0)
    coderay (1.0.9)
    coffee-rails (3.2.2)
      coffee-script (>= 2.2.0)
      railties (~> 3.2.0)
    coffee-script (2.2.0)
      coffee-script-source
      execjs
    coffee-script-source (1.6.1)
    dalli (2.6.2)
    devise (2.2.3)
      bcrypt-ruby (~> 3.0)
      orm_adapter (~> 0.1)
      railties (~> 3.1)
      warden (~> 1.2.1)
    devise-encryptable (0.1.1)
      devise (>= 2.1.0.rc)
    diff-lcs (1.2.1)
    dynamic_form (1.1.4)
    enju_bookmark (0.1.2.pre7)
      acts-as-taggable-on (~> 2.3)
      rails (~> 3.2)
      state_machine
    erubis (2.7.0)
    event-calendar (2.3.3)
    exception_notification (3.0.1)
      actionmailer (>= 3.0.4)
    execjs (1.4.0)
      multi_json (~> 1.0)
    factory_girl (4.2.0)
      activesupport (>= 3.0.0)
    factory_girl_rails (4.2.1)
      factory_girl (~> 4.2.0)
      railties (>= 3.0.0)
    fattr (2.2.1)
    ffi (1.4.0)
    foreigner (1.4.0)
      activerecord (>= 3.0.0)
    friendly_id (4.0.9)
    geocoder (1.1.6)
    guard (1.6.2)
      listen (>= 0.6.0)
      lumberjack (>= 1.0.2)
      pry (>= 0.9.10)
      terminal-table (>= 1.4.3)
      thor (>= 0.14.6)
    guard-rspec (2.5.0)
      guard (>= 1.1)
      rspec (~> 2.11)
    has_scope (0.5.1)
    highline (1.6.15)
    hike (1.2.1)
    i18n (0.6.1)
    immigrant (0.1.4)
      activerecord (>= 3.0)
      foreigner (>= 1.2.1)
    inherited_resources (1.3.1)
      has_scope (~> 0.5.0)
      responders (~> 0.6)
    journey (1.0.4)
    jquery-modal-rails (0.0.3)
      jquery-ui-rails
      railties (>= 3.2.0, < 5.0)
      thor (~> 0.14)
      uuidtools
    jquery-rails (2.2.1)
      railties (>= 3.0, < 5.0)
      thor (>= 0.14, < 2.0)
    jquery-ui-rails (4.0.1)
      jquery-rails
      railties (>= 3.1.0)
    json (1.7.7)
    kaminari (0.14.1)
      actionpack (>= 3.0.0)
      activesupport (>= 3.0.0)
    kgio (2.8.0)
    library_stdnums (1.2.0)
    lisbn (0.1.3)
      nokogiri
      nori (~> 2.0)
    listen (0.7.3)
    lumberjack (1.0.2)
    mail (2.5.3)
      i18n (>= 0.4.0)
      mime-types (~> 1.16)
      treetop (~> 1.4.8)
    marc (0.5.0)
    method_source (0.8.1)
    mime-types (1.21)
    mobylette (3.3.2)
      actionpack (>= 3.0)
    multi_json (1.6.1)
    nested_form (0.3.1)
    nokogiri (1.5.6)
    nori (2.0.4)
    options (2.3.0)
      fattr
    orm_adapter (0.4.0)
    paper_trail (2.7.1)
      activerecord (~> 3.0)
      railties (~> 3.0)
    paperclip (3.4.1)
      activemodel (>= 3.0.0)
      activerecord (>= 3.0.0)
      activesupport (>= 3.0.0)
      cocaine (~> 0.5.0)
      mime-types
    paperclip-meta (0.4.3)
      paperclip
    parallel (0.6.2)
    parallel_tests (0.10.0)
      parallel
    pg (0.14.1)
    polyglot (0.3.3)
    pr_geohash (1.0.0)
    progress_bar (0.4.0)
      highline (~> 1.6.1)
      options (~> 2.3.0)
    pry (0.9.12)
      coderay (~> 1.0.5)
      method_source (~> 0.8)
      slop (~> 3.4)
    rack (1.4.5)
    rack-cache (1.2)
      rack (>= 0.4)
    rack-protection (1.4.0)
      rack
    rack-ssl (1.3.3)
      rack
    rack-test (0.6.2)
      rack (>= 1.0)
    rails (3.2.13.rc2)
      actionmailer (= 3.2.13.rc2)
      actionpack (= 3.2.13.rc2)
      activerecord (= 3.2.13.rc2)
      activeresource (= 3.2.13.rc2)
      activesupport (= 3.2.13.rc2)
      bundler (~> 1.0)
      railties (= 3.2.13.rc2)
    rails-erd (1.1.0)
      activerecord (>= 3.0)
      activesupport (>= 3.0)
      choice (~> 0.1.6)
      ruby-graphviz (~> 1.0.4)
    rails_autolink (1.0.9)
      rails (~> 3.1)
    railties (3.2.13.rc2)
      actionpack (= 3.2.13.rc2)
      activesupport (= 3.2.13.rc2)
      rack-ssl (~> 1.3.2)
      rake (>= 0.8.7)
      rdoc (~> 3.4)
      thor (>= 0.14.6, < 2.0)
    rake (10.0.3)
    rdoc (3.12.2)
      json (~> 1.4)
    redcarpet (2.2.2)
    redis (3.0.3)
    redis-actionpack (3.2.3)
      actionpack (~> 3.2.3)
      redis-rack (~> 1.4.0)
      redis-store (~> 1.1.0)
    redis-activesupport (3.2.3)
      activesupport (~> 3.2.3)
      redis-store (~> 1.1.0)
    redis-namespace (1.2.1)
      redis (~> 3.0.0)
    redis-rack (1.4.2)
      rack (~> 1.4.1)
      redis-store (~> 1.1.0)
    redis-rails (3.2.3)
      redis-actionpack (~> 3.2.3)
      redis-activesupport (~> 3.2.3)
      redis-store (~> 1.1.0)
    redis-store (1.1.3)
      redis (>= 2.2.0)
    responders (0.9.3)
      railties (~> 3.1)
    resque (1.23.1)
      multi_json (~> 1.0)
      redis-namespace (~> 1.0)
      sinatra (>= 0.9.2)
      vegas (~> 0.1.2)
    resque-scheduler (2.0.0)
      redis (>= 2.0.1)
      resque (>= 1.20.0)
      rufus-scheduler
    resque_mailer (2.2.3)
      actionmailer (~> 3.0)
    resque_spec (0.13.0)
      resque (>= 1.19.0)
      rspec (>= 2.5.0)
    ri_cal (0.8.8)
    rsolr (1.0.8)
      builder (>= 2.1.2)
    rspec (2.13.0)
      rspec-core (~> 2.13.0)
      rspec-expectations (~> 2.13.0)
      rspec-mocks (~> 2.13.0)
    rspec-core (2.13.0)
    rspec-expectations (2.13.0)
      diff-lcs (>= 1.1.3, < 2.0)
    rspec-mocks (2.13.0)
    rspec-rails (2.13.0)
      actionpack (>= 3.0)
      activesupport (>= 3.0)
      railties (>= 3.0)
      rspec-core (~> 2.13.0)
      rspec-expectations (~> 2.13.0)
      rspec-mocks (~> 2.13.0)
    ruby-graphviz (1.0.8)
    ruby-prof (0.13.0)
    rubyzip (0.9.9)
    rufus-scheduler (2.0.18)
      tzinfo (>= 0.3.23)
    sanitize (2.0.3)
      nokogiri (>= 1.4.4, < 1.6)
    sass (3.2.7)
    sass-rails (3.2.6)
      railties (~> 3.2.0)
      sass (>= 3.1.10)
      tilt (~> 1.3)
    selenium-webdriver (2.31.0)
      childprocess (>= 0.2.5)
      multi_json (~> 1.0)
      rubyzip
      websocket (~> 1.0.4)
    settingslogic (2.0.9)
    simple_form (2.1.0)
      actionpack (~> 3.0)
      activemodel (~> 3.0)
    simplecov (0.7.1)
      multi_json (~> 1.0)
      simplecov-html (~> 0.7.1)
    simplecov-html (0.7.1)
    sinatra (1.3.5)
      rack (~> 1.4)
      rack-protection (~> 1.3)
      tilt (~> 1.3, >= 1.3.3)
    sitemap_generator (3.4)
      builder
    slop (3.4.3)
    spork (1.0.0rc3)
    spork-rails (3.2.1)
      rails (>= 3.0.0, < 3.3.0)
      spork (>= 1.0rc0)
    sprockets (2.2.2)
      hike (~> 1.2)
      multi_json (~> 1.0)
      rack (~> 1.0)
      tilt (~> 1.1, != 1.3.0)
    state_machine (1.1.2)
    steak (2.0.0)
      capybara (>= 1.0.0)
      rspec-rails (>= 2.5.0)
    strong_parameters (0.2.0)
      actionpack (~> 3.0)
      activemodel (~> 3.0)
      railties (~> 3.0)
    strongbox (0.7.0)
      activerecord
    sunspot (2.0.0)
      pr_geohash (~> 1.0)
      rsolr (~> 1.0.7)
    sunspot_rails (2.0.0)
      nokogiri
      sunspot (= 2.0.0)
    sunspot_solr (2.0.0)
    terminal-table (1.4.5)
    thor (0.17.0)
    tilt (1.3.5)
    timecop (0.6.0)
    timeliness (0.3.7)
    treetop (1.4.12)
      polyglot
      polyglot (>= 0.3.1)
    tzinfo (0.3.36)
    uglifier (1.3.0)
      execjs (>= 0.3.0)
      multi_json (~> 1.0, >= 1.0.2)
    uuidtools (2.1.3)
    validates_timeliness (3.0.14)
      timeliness (~> 0.3.6)
    vcr (2.4.0)
    vegas (0.1.11)
      rack (>= 1.0.0)
    warden (1.2.1)
      rack (>= 1.0)
    websocket (1.0.7)
    whenever (0.8.2)
      activesupport (>= 2.3.4)
      chronic (>= 0.6.3)
    xpath (1.0.0)
      nokogiri (~> 1.3)
    zipruby (0.3.6)

PLATFORMS
  ruby

DEPENDENCIES
  activerecord-jdbcpostgresql-adapter
  annotate (~> 2.5)
  awesome_nested_set (~> 2.1)
  aws-sdk
  charlock_holmes
  client_side_validations (~> 3.2)
  coffee-rails (~> 3.2.1)
  dalli (~> 2.6)
  devise-encryptable
  dynamic_form
  enju_biblio!
  enju_book_jacket!
  enju_circulation!
  enju_core!
  enju_event!
  enju_export!
  enju_flower!
  enju_inter_library_loan!
  enju_inventory!
  enju_library!
  enju_manifestation_viewer!
  enju_message!
  enju_ndl!
  enju_oai!
  enju_purchase_request!
  enju_question!
  enju_resource_merge!
  enju_search_log!
  enju_subject!
  exception_notification (~> 3.0)
  factory_girl_rails (~> 4.2)
  foreigner
  guard-rspec
  immigrant
  inherited_resources (~> 1.3)
  jquery-modal-rails
  jquery-rails
  jquery-ui-rails
  jruby-openssl
  kgio
  mobylette
  nested_form
  paper_trail (~> 2.7)
  paperclip-meta
  parallel_tests (~> 0.9)
  pg
  progress_bar
  rack-protection
  rails (= 3.2.13.rc2)
  rails-erd
  rails_autolink
  redcarpet
  redis-rails
  resque-scheduler (~> 2.0.0)
  resque_spec
  rspec-rails (~> 2.13)
  ruby-prof
  rubyzip
  sanitize
  sass-rails (~> 3.2.3)
  simplecov (~> 0.7)
  sitemap_generator (~> 3.4)
  spork-rails
  state_machine (~> 1.1.2)
  steak
  strong_parameters
  strongbox
  sunspot-rails-tester!
  sunspot_solr (~> 2.0.0)
  timecop
  trinidad
  uglifier (>= 1.0.3)
  validates_timeliness
  vcr (~> 2.4)
  whenever
  zipruby
