GIT
  remote: git://github.com/dce/paperclip-meta.git
  revision: 07ef72bf5cfa84bbae454e61872d7eb1caf2a74b
  specs:
    paperclip-meta (0.4.1)
      paperclip

GIT
  remote: git://github.com/justinko/sunspot-rails-tester.git
  revision: cd3c0e85834389a27c6809eeeab8dd2cb0a724f0
  specs:
    sunspot-rails-tester (0.0.4)
      sunspot_rails (>= 1.2)
      sunspot_solr (>= 1.2)

GIT
  remote: git://github.com/nabeta/enju_book_jacket.git
  revision: 8d1397dc5d586124bfc66de4883dbe4a50d40a02
  specs:
    enju_book_jacket (0.0.2)
      configatron
      rails (~> 3.2)

GIT
  remote: git://github.com/nabeta/enju_bookmark.git
  revision: 9786a625d16cc6722aa09abd8960261dd547b7b5
  specs:
    enju_bookmark (0.1.0)
      acts-as-taggable-on (~> 2.3)
      rails (~> 3.2)
      state_machine

GIT
  remote: git://github.com/nabeta/enju_circulation.git
  revision: 573c104a86d3281d99fc89020150d482a6c00974
  specs:
    enju_circulation (0.1.0)
      enju_core
      enju_event (>= 0.0.27)
      enju_message (>= 0.0.24)
      inherited_resources
      rails (~> 3.2)
      simple_form
      state_machine
      validates_timeliness

GIT
  remote: git://github.com/nabeta/enju_event.git
  revision: 2cdc912133d019a1bfb5a297d6a1733dac03999d
  specs:
    enju_event (0.1.14)
      enju_core
      enju_message (>= 0.0.25)
      event-calendar (~> 2.3.3)
      has_scope
      inherited_resources
      paperclip
      rails (~> 3.2)
      simple_form
      state_machine

GIT
  remote: git://github.com/nabeta/enju_inter_library_loan.git
  revision: 654cc618e3e1fe0718badcc8830aa481cf6afb4b
  specs:
    enju_inter_library_loan (0.1.0)
      enju_core
      rails (~> 3.2)
      state_machine

GIT
  remote: git://github.com/nabeta/enju_inventory.git
  revision: 31a6ae3dd06659886ef0fec234138b4a89f30ca6
  specs:
    enju_inventory (0.1.8)
      enju_core
      inherited_resources
      paperclip (~> 3.0)
      rails (~> 3.2)

GIT
  remote: git://github.com/nabeta/enju_manifestation_viewer.git
  revision: 46e748b0d56ab4be4a0f858f84785a75004880cd
  specs:
    enju_manifestation_viewer (0.0.1)
      addressable
      rails (~> 3.2)

GIT
  remote: git://github.com/nabeta/enju_message.git
  revision: c64872c63519d60aebe2c3fbbbb0897e1b412118
  specs:
    enju_message (0.1.12)
      awesome_nested_set (~> 2.1)
      enju_core
      inherited_resources
      rails (~> 3.2)
      resque_mailer
      simple_form
      state_machine

GIT
  remote: git://github.com/nabeta/enju_ndl.git
  revision: 1af4b61f8eb5d092c7c0c0e86233f1d92ace187d
  specs:
    enju_ndl (0.1.0)
      library_stdnums
      lisbn
      nokogiri
      rails (~> 3.2)

GIT
  remote: git://github.com/nabeta/enju_oai.git
  revision: e5df0e329ca287d77c23f670bb5fa39273d194ec
  specs:
    enju_oai (0.0.4)
      enju_core
      mobile-fu
      rails (~> 3.2)

GIT
  remote: git://github.com/nabeta/enju_purchase_request.git
  revision: e1f89c5060ad796c93f515298d17f8dd705ac6b1
  specs:
    enju_purchase_request (0.1.0)
      enju_core
      rails (~> 3.2)
      state_machine

GIT
  remote: git://github.com/nabeta/enju_question.git
  revision: d2125873881ecb8e01a2e1fe58552b1a78a6cb22
  specs:
    enju_question (0.0.21)
      acts-as-taggable-on (~> 2.3)
      enju_core
      rails (~> 3.2)
      simple_form

GIT
  remote: git://github.com/nabeta/enju_resource_merge.git
  revision: b0b0c95e1034b178984032dbf50ceca39303807c
  specs:
    enju_resource_merge (0.0.17)
      dynamic_form
      inherited_resources
      rails (~> 3.2)

GIT
  remote: git://github.com/nabeta/enju_search_log.git
  revision: 719abffbf0c9b2e25762fb0d92bfc88ae50ea778
  specs:
    enju_search_log (0.1.0)
      enju_core
      rails (~> 3.2)

GIT
  remote: git://github.com/nabeta/enju_subject.git
  revision: 54742f99c828124c2d651f032fa5b529bc141b80
  specs:
    enju_subject (0.1.0)
      dynamic_form
      enju_core
      inherited_resources
      rails (~> 3.2)

GIT
  remote: git://github.com/next-l/enju_biblio.git
  revision: 2a91b8c5e9c5c6fba6233bf60d6253da849bf4a7
  specs:
    enju_biblio (0.1.0)
      aws-sdk
      dynamic_form
      enju_core
      enju_ndl
      enju_oai
      has_scope
      inherited_resources
      marc
      paper_trail
      paperclip
      paperclip-meta
      rails (~> 3.2)
      resque_mailer
      simple_form
      state_machine
      validates_timeliness

GIT
  remote: git://github.com/next-l/enju_core.git
  revision: 48c14a6e7f82c6df7dba58017a10fd571021d91a
  specs:
    enju_core (0.1.0)
      acts_as_list
      addressable
      attribute_normalizer (~> 1.1)
      cancan
      configatron
      devise
      friendly_id (~> 4.0)
      kaminari
      rails (~> 3.2)
      resque
      sunspot_rails (~> 2.0.0.pre.120720)

GIT
  remote: git://github.com/next-l/enju_export.git
  revision: 283ac05a1b971d84bb49f1099bb16a369ac8424e
  specs:
    enju_export (0.1.0)
      enju_core
      paperclip
      rails (~> 3.2)
      simple_form
      state_machine

GIT
  remote: git://github.com/next-l/enju_library.git
  revision: 618aec98e0d733832749d57518dcc5d287d39da5
  specs:
    enju_library (0.1.0)
      enju_core
      geocoder
      inherited_resources
      rails (~> 3.2)

GEM
  remote: https://rubygems.org/
  specs:
    RedCloth (4.2.9)
    actionmailer (3.2.7)
      actionpack (= 3.2.7)
      mail (~> 2.4.4)
    actionpack (3.2.7)
      activemodel (= 3.2.7)
      activesupport (= 3.2.7)
      builder (~> 3.0.0)
      erubis (~> 2.7.0)
      journey (~> 1.0.4)
      rack (~> 1.4.0)
      rack-cache (~> 1.2)
      rack-test (~> 0.6.1)
      sprockets (~> 2.1.3)
    activemodel (3.2.7)
      activesupport (= 3.2.7)
      builder (~> 3.0.0)
    activerecord (3.2.7)
      activemodel (= 3.2.7)
      activesupport (= 3.2.7)
      arel (~> 3.0.2)
      tzinfo (~> 0.3.29)
    activeresource (3.2.7)
      activemodel (= 3.2.7)
      activesupport (= 3.2.7)
    activesupport (3.2.7)
      i18n (~> 0.6)
      multi_json (~> 1.0)
    acts-as-taggable-on (2.3.3)
      rails (~> 3.0)
    acts_as_list (0.1.7)
    addressable (2.3.2)
    annotate (2.5.0)
      rake
    arel (3.0.2)
    astrails-safe (0.2.7)
      aws-s3
      cloudfiles
      net-sftp
    attribute_normalizer (1.1.0)
    awesome_nested_set (2.1.3)
      activerecord (>= 3.0.0)
    aws-s3 (0.6.3)
      builder
      mime-types
      xml-simple
    aws-sdk (1.5.8)
      httparty (~> 0.7)
      json (~> 1.4)
      nokogiri (>= 1.4.4)
      uuidtools (~> 2.1)
    bcrypt-ruby (3.0.1)
    builder (3.0.0)
    cancan (1.6.8)
    capybara (1.1.2)
      mime-types (>= 1.16)
      nokogiri (>= 1.3.3)
      rack (>= 1.0.0)
      rack-test (>= 0.5.4)
      selenium-webdriver (~> 2.0)
      xpath (~> 0.1.4)
    childprocess (0.3.4)
      ffi (~> 1.0, >= 1.0.6)
    choice (0.1.6)
    chronic (0.6.7)
    client_side_validations (3.2.0.beta.6)
    cloudfiles (1.5.0.1)
      json
    cocaine (0.2.1)
    coffee-rails (3.2.2)
      coffee-script (>= 2.2.0)
      railties (~> 3.2.0)
    coffee-script (2.2.0)
      coffee-script-source
      execjs
    coffee-script-source (1.3.3)
    commonjs (0.2.6)
    configatron (2.9.1)
      yamler (>= 0.1.0)
    dalli (2.1.0)
    devise (2.1.2)
      bcrypt-ruby (~> 3.0)
      orm_adapter (~> 0.1)
      railties (~> 3.1)
      warden (~> 1.2.1)
    devise-encryptable (0.1.1)
      devise (>= 2.1.0.rc)
    diff-lcs (1.1.3)
    dynamic_form (1.1.4)
    erubis (2.7.0)
    event-calendar (2.3.3)
    exception_notification (2.6.1)
      actionmailer (>= 3.0.4)
    execjs (1.4.0)
      multi_json (~> 1.0)
    factory_girl (3.5.0)
      activesupport (>= 3.0.0)
    factory_girl_rails (3.5.0)
      factory_girl (~> 3.5.0)
      railties (>= 3.0.0)
    fakeweb (1.3.0)
    fattr (2.2.1)
    ffi (1.1.1)
    foreigner (1.2.0)
      activerecord (>= 3.0.0)
    friendly_id (4.0.7)
    geocoder (1.1.2)
    guard (1.2.3)
      listen (>= 0.4.2)
      thor (>= 0.14.6)
    guard-rspec (1.2.0)
      guard (>= 1.1)
    has_scope (0.5.1)
    highline (1.6.13)
    hike (1.2.1)
    httparty (0.8.3)
      multi_json (~> 1.0)
      multi_xml
    i18n (0.6.0)
    immigrant (0.1.2)
      activerecord (>= 3.0)
      foreigner (>= 1.1.6)
    inherited_resources (1.3.1)
      has_scope (~> 0.5.0)
      responders (~> 0.6)
    journey (1.0.4)
    jquery-rails (2.0.2)
      railties (>= 3.2.0, < 5.0)
      thor (~> 0.14)
    json (1.7.4)
    kaminari (0.13.0)
      actionpack (>= 3.0.0)
      activesupport (>= 3.0.0)
      railties (>= 3.0.0)
    kgio (2.7.4)
    less (2.2.1)
      commonjs (~> 0.2.6)
    less-rails (2.2.3)
      actionpack (>= 3.1)
      less (~> 2.2.0)
    library_stdnums (1.2.0)
    libv8 (3.3.10.4)
    libwebsocket (0.1.5)
      addressable
    lisbn (0.1.2)
      nori
    listen (0.4.7)
      rb-fchange (~> 0.0.5)
      rb-fsevent (~> 0.9.1)
      rb-inotify (~> 0.8.8)
    mail (2.4.4)
      i18n (>= 0.4.0)
      mime-types (~> 1.16)
      treetop (~> 1.4.8)
    marc (0.5.0)
    mime-types (1.19)
    mobile-fu (1.1.0)
      rack-mobile-detect
      rails
    multi_json (1.3.6)
    multi_xml (0.5.1)
    net-sftp (2.0.5)
      net-ssh (>= 2.0.9)
    net-ssh (2.5.2)
    nokogiri (1.5.5)
    nori (1.1.3)
    options (2.3.0)
      fattr
    orm_adapter (0.4.0)
    paper_trail (2.6.3)
      activerecord (~> 3.0)
      railties (~> 3.0)
    paperclip (3.1.4)
      activemodel (>= 3.0.0)
      activerecord (>= 3.0.0)
      activesupport (>= 3.0.0)
      cocaine (>= 0.0.2)
      mime-types
    parallel (0.5.17)
    parallel_tests (0.8.7)
      parallel
    pg (0.14.0)
    polyglot (0.3.3)
    pr_geohash (1.0.0)
    progress_bar (0.4.0)
      highline (~> 1.6.1)
      options (~> 2.3.0)
    rack (1.4.1)
    rack-cache (1.2)
      rack (>= 0.4)
    rack-mobile-detect (0.4.0)
      rack
    rack-protection (1.2.0)
      rack
    rack-ssl (1.3.2)
      rack
    rack-test (0.6.1)
      rack (>= 1.0)
    rails (3.2.7)
      actionmailer (= 3.2.7)
      actionpack (= 3.2.7)
      activerecord (= 3.2.7)
      activeresource (= 3.2.7)
      activesupport (= 3.2.7)
      bundler (~> 1.0)
      railties (= 3.2.7)
    rails-erd (1.0.0)
      activerecord (>= 3.0)
      activesupport (>= 3.0)
      choice (~> 0.1.6)
      ruby-graphviz (~> 1.0.4)
    rails_autolink (1.0.9)
      rails (~> 3.1)
    railties (3.2.7)
      actionpack (= 3.2.7)
      activesupport (= 3.2.7)
      rack-ssl (~> 1.3.2)
      rake (>= 0.8.7)
      rdoc (~> 3.4)
      thor (>= 0.14.6, < 2.0)
    rake (0.9.2.2)
    rb-fchange (0.0.5)
      ffi
    rb-fsevent (0.9.1)
    rb-inotify (0.8.8)
      ffi (>= 0.5.0)
    rdoc (3.12)
      json (~> 1.4)
    redis (3.0.1)
    redis-namespace (1.2.0)
      redis (~> 3.0.0)
    responders (0.9.2)
      railties (~> 3.1)
    resque (1.21.0)
      multi_json (~> 1.0)
      redis-namespace (~> 1.0)
      sinatra (>= 0.9.2)
      vegas (~> 0.1.2)
    resque-scheduler (2.0.0)
      redis (>= 2.0.1)
      resque (>= 1.20.0)
      rufus-scheduler
    resque_mailer (2.1.0)
      actionmailer (~> 3.0)
    resque_spec (0.12.3)
      resque (>= 1.19.0)
      rspec (>= 2.5.0)
    ri_cal (0.8.8)
    rsolr (1.0.8)
      builder (>= 2.1.2)
    rspec (2.11.0)
      rspec-core (~> 2.11.0)
      rspec-expectations (~> 2.11.0)
      rspec-mocks (~> 2.11.0)
    rspec-core (2.11.1)
    rspec-expectations (2.11.2)
      diff-lcs (~> 1.1.3)
    rspec-mocks (2.11.1)
    rspec-rails (2.11.0)
      actionpack (>= 3.0)
      activesupport (>= 3.0)
      railties (>= 3.0)
      rspec (~> 2.11.0)
    ruby-graphviz (1.0.8)
    ruby-prof (0.11.2)
    rubyzip (0.9.9)
    rufus-scheduler (2.0.17)
      tzinfo (>= 0.3.23)
    sanitize (2.0.3)
      nokogiri (>= 1.4.4, < 1.6)
    sass (3.1.20)
    sass-rails (3.2.5)
      railties (~> 3.2.0)
      sass (>= 3.1.10)
      tilt (~> 1.3)
    selenium-webdriver (2.25.0)
      childprocess (>= 0.2.5)
      libwebsocket (~> 0.1.3)
      multi_json (~> 1.0)
      rubyzip
    simple_form (2.0.2)
      actionpack (~> 3.0)
      activemodel (~> 3.0)
    simplecov (0.6.4)
      multi_json (~> 1.0)
      simplecov-html (~> 0.5.3)
    simplecov-html (0.5.3)
    sinatra (1.3.2)
      rack (~> 1.3, >= 1.3.6)
      rack-protection (~> 1.2)
      tilt (~> 1.3, >= 1.3.3)
    sitemap_generator (3.1.1)
      builder
    spork (1.0.0rc3)
    spork-rails (3.2.0)
      rails (>= 3.0.0, < 3.3.0)
      spork (>= 1.0rc0)
    sprockets (2.1.3)
      hike (~> 1.2)
      rack (~> 1.0)
      tilt (~> 1.1, != 1.3.0)
    state_machine (1.1.2)
    steak (2.0.0)
      capybara (>= 1.0.0)
      rspec-rails (>= 2.5.0)
    strong_parameters (0.1.3)
      actionpack (>= 3.2.0)
      activemodel (>= 3.2.0)
    strongbox (0.6.0)
      activerecord
    sunspot (2.0.0.pre.120720)
      pr_geohash (~> 1.0)
      rsolr (~> 1.0.7)
    sunspot_rails (2.0.0.pre.120720)
      nokogiri
      sunspot (= 2.0.0.pre.120720)
    sunspot_solr (2.0.0.pre.120720)
    therubyracer (0.10.1)
      libv8 (~> 3.3.10)
    thor (0.15.4)
    tilt (1.3.3)
    timecop (0.4.2)
    timeliness (0.3.6)
    treetop (1.4.10)
      polyglot
      polyglot (>= 0.3.1)
    twitter-bootstrap-rails (2.1.1)
      actionpack (>= 3.1)
      less-rails (~> 2.2.2)
      railties (>= 3.1)
      therubyracer (= 0.10.1)
    tzinfo (0.3.33)
    uglifier (1.2.6)
      execjs (>= 0.3.0)
      multi_json (~> 1.3)
    uuidtools (2.1.3)
    validates_timeliness (3.0.12)
      timeliness (~> 0.3.6)
    vcr (2.2.4)
    vegas (0.1.11)
      rack (>= 1.0.0)
    warden (1.2.1)
      rack (>= 1.0)
    whenever (0.7.3)
      activesupport (>= 2.3.4)
      chronic (~> 0.6.3)
    xml-simple (1.1.1)
    xpath (0.1.4)
      nokogiri (~> 1.3)
    yamler (0.1.0)
    zipruby (0.3.6)

PLATFORMS
  ruby

DEPENDENCIES
  RedCloth (>= 4.2.9)
  activerecord-jdbc-adapter
  addressable
  annotate (~> 2.5)
  astrails-safe
  attribute_normalizer (~> 1.1)
  awesome_nested_set (~> 2.1)
  aws-sdk
  client_side_validations (~> 3.2.0.beta.6)
  coffee-rails (~> 3.2.1)
  dalli (~> 2.1)
  devise-encryptable
  dynamic_form
  enju_biblio!
  enju_book_jacket!
  enju_bookmark!
  enju_circulation!
  enju_core!
  enju_event!
  enju_export!
  enju_inter_library_loan!
  enju_inventory!
  enju_library!
  enju_manifestation_viewer!
  enju_message!
  enju_ndl!
  enju_oai!
  enju_purchase_request!
  enju_question!
  enju_resource_merge!
  enju_search_log!
  enju_subject!
  exception_notification (~> 2.6)
  factory_girl_rails (~> 3.5)
  fakeweb
  foreigner
  geocoder
  glassfish
  guard-rspec
  immigrant
  inherited_resources (~> 1.3)
  jdbc-postgres
  jquery-rails
  jruby-openssl
  kgio
  library_stdnums
  mobile-fu
  paper_trail (~> 2.6)
  paperclip (~> 3.1)
  paperclip-meta!
  parallel_tests (~> 0.8)
  pg
  progress_bar
  rack-protection
  rails (= 3.2.7)
  rails-erd
  rails_autolink
  resque-scheduler (~> 2.0.0)
  resque_spec
  ri_cal
  rspec-rails (~> 2.11)
  ruby-prof
  rubyzip
  sanitize
  sass-rails (~> 3.2.3)
  simple_form (~> 2.0)
  simplecov (~> 0.6)
  sitemap_generator (~> 3.1)
  spork-rails
  state_machine (~> 1.1.2)
  steak
  strong_parameters
  strongbox
  sunspot-rails-tester!
  sunspot_solr (~> 2.0.0.pre.120720)
  timecop
  twitter-bootstrap-rails
  uglifier (>= 1.0.3)
  validates_timeliness
  vcr (~> 2.2)
  whenever
  zipruby
