GIT
  remote: git://github.com/nabeta/enju_barcode.git
  revision: f762b4641fa05b6c000be21899b4bf30f9b5fcfb
  specs:
    enju_barcode (0.0.1)
      barby (~> 0.5)
      rails (~> 3.1.1)
      rqrcode

GIT
  remote: git://github.com/nabeta/enju_bookmark.git
  revision: 845c9e67393b0032b2573a315e21e93891910e4f
  specs:
    enju_bookmark (0.0.2)
      rails (~> 3.1.1)

GIT
  remote: git://github.com/nabeta/enju_circulation.git
  revision: 5bbec41946f07277eb6319cbc201fd0f22b1e79d
  specs:
    enju_circulation (0.0.2)
      rails (~> 3.1.1)

GIT
  remote: git://github.com/nabeta/enju_event.git
  revision: 3411614b72340cbb09fbbd80a65bde38333357a8
  specs:
    enju_event (0.0.2)
      event-calendar (~> 2.3.3)
      rails (~> 3.1.1)

GIT
  remote: git://github.com/nabeta/enju_inter_library_loan.git
  revision: 92150d6e85c612c61e9a582d3e14e6d94a244d24
  specs:
    enju_inter_library_loan (0.0.1)
      rails (~> 3.1.1)

GIT
  remote: git://github.com/nabeta/enju_inventory.git
  revision: 3bc936ef110088b6fb64bf3f6ed0676a5347d823
  specs:
    enju_inventory (0.0.2)
      rails (~> 3.1.1)

GIT
  remote: git://github.com/nabeta/enju_message.git
  revision: 8de0272a532718850befa7e0bbf9d7c6508d1c08
  specs:
    enju_message (0.0.2)
      rails (~> 3.1.1)

GIT
  remote: git://github.com/nabeta/enju_ndl.git
  revision: 9d54605e8a6d8879563c98fdedb3552605493b86
  specs:
    enju_ndl (0.0.2)
      rails (~> 3.1.1)

GIT
  remote: git://github.com/nabeta/enju_oai.git
  revision: a80b77a29de29e5022d135b3594338d87df3d916
  specs:
    enju_oai (0.0.1)
      rails (~> 3.1.1)

GIT
  remote: git://github.com/nabeta/enju_purchase_request.git
  revision: 803486c74c9942fbaea42335be938c5f519b055c
  specs:
    enju_purchase_request (0.0.2)
      rails (~> 3.1.1)

GIT
  remote: git://github.com/nabeta/enju_question.git
  revision: e52fb89748fea591867e5b0fda6c21a0212f2087
  specs:
    enju_question (0.0.2)
      rails (~> 3.1.1)

GIT
  remote: git://github.com/nabeta/enju_resource_merge.git
  revision: 43ed6517dd2a7c8fe86c41f46267dd46471a8284
  specs:
    enju_resource_merge (0.0.2)
      rails (~> 3.1.1)

GIT
  remote: git://github.com/nabeta/enju_subject.git
  revision: f92db099051f2f7990ac2c390a033954ea47ca7a
  specs:
    enju_subject (0.0.2)
      rails (~> 3.1.1)

GIT
  remote: git://github.com/nabeta/isbn-tools.git
  revision: 05e31384f167aa7d1e560f76c1c3faf104d64709
  specs:
    isbn-tools (0.2.0)

GIT
  remote: git://github.com/nabeta/vidibus-routing_error
  revision: be5b5ce9a21e188c2f1ba5d4a8f407ab9c7a51b1
  specs:
    vidibus-routing_error (0.2.1)
      rails (~> 3.1)

GIT
  remote: git://github.com/swanandp/acts_as_list.git
  revision: ec97d512ba792fa072c55cbb9447d83c067e611f
  specs:
    acts_as_list (0.1.4)

GEM
  remote: http://rubygems.org/
  specs:
    RedCloth (4.2.8)
    Saikuro (1.1.0)
    XMLCanonicalizer (1.0.1)
      log4r (>= 1.0.4)
    aaronh-chronic (0.3.9)
    actionmailer (3.1.1)
      actionpack (= 3.1.1)
      mail (~> 2.3.0)
    actionpack (3.1.1)
      activemodel (= 3.1.1)
      activesupport (= 3.1.1)
      builder (~> 3.0.0)
      erubis (~> 2.7.0)
      i18n (~> 0.6)
      rack (~> 1.3.2)
      rack-cache (~> 1.1)
      rack-mount (~> 0.8.2)
      rack-test (~> 0.6.1)
      sprockets (~> 2.0.2)
    activemodel (3.1.1)
      activesupport (= 3.1.1)
      builder (~> 3.0.0)
      i18n (~> 0.6)
    activerecord (3.1.1)
      activemodel (= 3.1.1)
      activesupport (= 3.1.1)
      arel (~> 2.2.1)
      tzinfo (~> 0.3.29)
    activeresource (3.1.1)
      activemodel (= 3.1.1)
      activesupport (= 3.1.1)
    activesupport (3.1.1)
      multi_json (~> 1.0)
    acts-as-taggable-on (2.1.1)
      rails
    addressable (2.2.6)
    annotate (2.4.0)
    arel (2.2.1)
    astrails-safe (0.2.7)
      aws-s3
      cloudfiles
      net-sftp
    attribute_normalizer (1.0.0)
    awesome_nested_set (2.0.2)
      activerecord (>= 3.0.0)
    aws-s3 (0.6.2)
      builder
      mime-types
      xml-simple
    barby (0.5.0)
    bcrypt-ruby (3.0.1)
    builder (3.0.0)
    cancan (1.6.7)
    chronic (0.3.0)
    churn (0.0.13)
      chronic (>= 0.2.3)
      hirb
      json_pure
      main
      ruby_parser (~> 2.0.4)
      sexp_processor (~> 3.0.3)
    client_side_validations (3.1.0)
    cloudfiles (1.4.18)
      mime-types (>= 1.16)
    cocaine (0.2.0)
    colored (1.2)
    configatron (2.8.3)
      yamler (>= 0.1.0)
    daemons (1.1.4)
    dalli (1.1.2)
    delayed_job (2.1.4)
      activesupport (~> 3.0)
      daemons
    devise (1.4.8)
      bcrypt-ruby (~> 3.0)
      orm_adapter (~> 0.0.3)
      warden (~> 1.0.3)
    diff-lcs (1.1.3)
    dynamic_form (1.1.4)
    erubis (2.7.0)
    escape (0.0.4)
    event-calendar (2.3.3)
    exception_notification (2.5.2)
      actionmailer (>= 3.0.4)
    extractcontent (0.0.1)
    factory_girl (2.2.0)
      activesupport
    factory_girl_rails (1.3.0)
      factory_girl (~> 2.2.0)
      railties (>= 3.0.0)
    faraday (0.7.5)
      addressable (~> 2.2.6)
      multipart-post (~> 1.1.3)
      rack (>= 1.1.0, < 2)
    fattr (2.2.0)
    file_wrapper (0.4.1)
    flay (1.4.3)
      ruby_parser (~> 2.0)
      sexp_processor (~> 3.0)
    flog (2.5.3)
      ruby_parser (~> 2.0)
      sexp_processor (~> 3.0)
    friendly_id (4.0.0.beta14)
    geocoder (1.0.4)
    guard (0.8.5)
      thor (~> 0.14.6)
    guard-rspec (0.5.0)
      guard (>= 0.8.4)
    has_scope (0.5.1)
    highline (1.6.2)
    hike (1.2.1)
    hirb (0.5.0)
    i18n (0.6.0)
    inherited_resources (1.3.0)
      has_scope (~> 0.5.0)
      responders (~> 0.6.0)
    jpmobile (2.0.2)
    jquery-rails (1.0.16)
      railties (~> 3.0)
      thor (~> 0.14)
    json (1.6.1)
    json_pure (1.6.1)
    kgio (2.6.0)
    library_stdnums (1.0.1)
    log4r (1.1.9)
    macaddr (1.4.0)
      systemu (~> 2.2.0)
    mail (2.3.0)
      i18n (>= 0.4.0)
      mime-types (~> 1.16)
      treetop (~> 1.4.8)
    main (4.7.1)
    marc (0.4.3)
    metric_fu (2.1.1)
      Saikuro (>= 1.1.0)
      activesupport (>= 2.0.0)
      chronic (~> 0.3.0)
      churn (>= 0.0.7)
      flay (>= 1.2.1)
      flog (>= 2.3.0)
      rails_best_practices (>= 0.6.4)
      rcov (>= 0.8.3.3)
      reek (>= 1.2.6)
      roodi (>= 2.1.0)
      syntax
    mime-types (1.16)
    multi_json (1.0.3)
    multi_xml (0.4.1)
    multipart-post (1.1.3)
    net-ldap (0.2.2)
    net-sftp (2.0.5)
      net-ssh (>= 2.0.9)
    net-ssh (2.2.1)
    nokogiri (1.5.0)
    oa-basic (0.3.0)
      oa-core (= 0.3.0)
      rest-client (~> 1.6.0)
    oa-core (0.3.0)
    oa-enterprise (0.3.0)
      XMLCanonicalizer (~> 1.0.1)
      addressable (~> 2.2.6)
      net-ldap (~> 0.2.2)
      nokogiri (~> 1.5.0)
      oa-core (= 0.3.0)
      pyu-ruby-sasl (~> 0.0.3.1)
      rubyntlm (~> 0.1.1)
      uuid
    oa-more (0.3.0)
      multi_json (~> 1.0.0)
      oa-core (= 0.3.0)
      rest-client (~> 1.6.0)
    oa-oauth (0.3.0)
      faraday (~> 0.7.3)
      multi_json (~> 1.0.0)
      multi_xml (~> 0.4.0)
      oa-core (= 0.3.0)
      oauth (~> 0.4.0)
      oauth2 (~> 0.5.0)
    oa-openid (0.3.0)
      oa-core (= 0.3.0)
      rack-openid (~> 1.3.1)
      ruby-openid-apps-discovery (~> 1.2.0)
    oauth (0.4.5)
    oauth2 (0.5.1)
      faraday (~> 0.7.4)
      multi_json (~> 1.0.3)
    omniauth (0.3.0)
      oa-basic (= 0.3.0)
      oa-core (= 0.3.0)
      oa-enterprise (= 0.3.0)
      oa-more (= 0.3.0)
      oa-oauth (= 0.3.0)
      oa-openid (= 0.3.0)
    options (2.3.0)
      fattr
    orm_adapter (0.0.5)
    paper_trail (2.4.0)
      rails (~> 3)
    paperclip (2.4.4)
      activerecord (>= 2.3.0)
      activesupport (>= 2.3.2)
      cocaine (>= 0.0.2)
      mime-types
    parallel (0.5.9)
    parallel_tests (0.6.7)
      parallel
    pg (0.11.0)
    polyglot (0.3.2)
    pr_geohash (1.0.0)
    progress_bar (0.4.0)
      highline (~> 1.6.1)
      options (~> 2.3.0)
    progressbar (0.9.1)
    pyu-ruby-sasl (0.0.3.3)
    rack (1.3.4)
    rack-cache (1.1)
      rack (>= 0.4)
    rack-mount (0.8.3)
      rack (>= 1.0.0)
    rack-openid (1.3.1)
      rack (>= 1.1.0)
      ruby-openid (>= 2.1.8)
    rack-protection (1.1.4)
      rack
    rack-ssl (1.3.2)
      rack
    rack-test (0.6.1)
      rack (>= 1.0)
    rails (3.1.1)
      actionmailer (= 3.1.1)
      actionpack (= 3.1.1)
      activerecord (= 3.1.1)
      activeresource (= 3.1.1)
      activesupport (= 3.1.1)
      bundler (~> 1.0)
      railties (= 3.1.1)
    rails_autolink (1.0.4)
      rails (>= 3.1.0)
    rails_best_practices (1.2.0)
      activesupport
      colored
      erubis
      i18n
      progressbar
      sexp_processor
    railties (3.1.1)
      actionpack (= 3.1.1)
      activesupport (= 3.1.1)
      rack-ssl (~> 1.3.2)
      rake (>= 0.8.7)
      rdoc (~> 3.4)
      thor (~> 0.14.6)
    rake (0.9.2)
    rcov (0.9.11)
    rdoc (3.10)
      json (~> 1.4)
    reek (1.2.8)
      ruby2ruby (~> 1.2)
      ruby_parser (~> 2.0)
      sexp_processor (~> 3.0)
    responders (0.6.4)
    rest-client (1.6.7)
      mime-types (>= 1.16)
    ri_cal (0.8.8)
    roodi (2.1.0)
      ruby_parser
    rqrcode (0.4.2)
    rsolr (1.0.2)
      builder (>= 2.1.2)
    rspec (2.7.0)
      rspec-core (~> 2.7.0)
      rspec-expectations (~> 2.7.0)
      rspec-mocks (~> 2.7.0)
    rspec-core (2.7.0)
    rspec-expectations (2.7.0)
      diff-lcs (~> 1.1.2)
    rspec-mocks (2.7.0)
    rspec-rails (2.7.0)
      actionpack (~> 3.0)
      activesupport (~> 3.0)
      railties (~> 3.0)
      rspec (~> 2.7.0)
    ruby-openid (2.1.8)
    ruby-openid-apps-discovery (1.2.0)
      ruby-openid (>= 2.1.7)
    ruby-prof (0.10.8)
    ruby2ruby (1.3.1)
      ruby_parser (~> 2.0)
      sexp_processor (~> 3.0)
    ruby_parser (2.0.6)
      sexp_processor (~> 3.0)
    rubyntlm (0.1.1)
    sanitize (2.0.3)
      nokogiri (>= 1.4.4, < 1.6)
    sexp_processor (3.0.7)
    simple_form (1.5.2)
      actionpack (~> 3.0)
      activemodel (~> 3.0)
    simplecov (0.5.4)
      multi_json (~> 1.0.3)
      simplecov-html (~> 0.5.3)
    simplecov-html (0.5.3)
    sitemap_generator (2.1.3)
    spork (0.9.0.rc9)
    sprockets (2.0.3)
      hike (~> 1.2)
      rack (~> 1.0)
      tilt (~> 1.1, != 1.3.0)
    state_machine (1.0.2)
    strongbox (0.4.8)
      activerecord
    sunspot (1.3.0.rc4)
      escape (= 0.0.4)
      pr_geohash (~> 1.0)
      rsolr (= 1.0.2)
    sunspot_rails (1.3.0.rc4)
      nokogiri
      sunspot (= 1.3.0.rc4)
    sunspot_solr (1.3.0.rc4)
    syntax (1.0.0)
    system_timer (1.2.4)
    systemu (2.2.0)
    thor (0.14.6)
    tilt (1.3.3)
    timecop (0.3.5)
    timeliness (0.3.4)
    treetop (1.4.10)
      polyglot
      polyglot (>= 0.3.1)
    tzinfo (0.3.30)
    uuid (2.3.4)
      macaddr (~> 1.0)
    validates_timeliness (3.0.7)
      timeliness (~> 0.3.3)
    warden (1.0.6)
      rack (>= 1.0)
    whenever (0.6.8)
      aaronh-chronic (>= 0.3.9)
      activesupport (>= 2.3.4)
    will_paginate (3.0.2)
    xml-simple (1.1.1)
    yamler (0.1.0)
    zipruby (0.3.6)

PLATFORMS
  ruby

DEPENDENCIES
  RedCloth (>= 4.2.8)
  activerecord-jdbc-adapter
  acts-as-taggable-on (~> 2.1)
  acts_as_list!
  annotate
  astrails-safe
  attribute_normalizer (~> 1.0)
  awesome_nested_set (~> 2.0)
  cancan (>= 1.6.7)
  client_side_validations
  configatron
  dalli (~> 1.1)
  delayed_job (>= 2.1.4)
  devise (~> 1.4.8)
  dynamic_form
  enju_barcode!
  enju_bookmark!
  enju_circulation!
  enju_event!
  enju_inter_library_loan!
  enju_inventory!
  enju_message!
  enju_ndl!
  enju_oai!
  enju_purchase_request!
  enju_question!
  enju_resource_merge!
  enju_subject!
  exception_notification (~> 2.5.2)
  extractcontent
  factory_girl_rails (~> 1.3)
  file_wrapper
  friendly_id (~> 4.0.0.beta14)
  geocoder
  glassfish
  guard-rspec
  has_scope
  inherited_resources (~> 1.3)
  isbn-tools!
  jdbc-postgres
  jpmobile (~> 2.0)
  jquery-rails
  jruby-openssl
  kgio
  library_stdnums
  marc
  metric_fu (~> 2.1)
  nokogiri
  omniauth (~> 0.3)
  paper_trail (~> 2.4)
  paperclip (~> 2.4)
  parallel_tests
  pg
  progress_bar
  rack-protection
  rails (= 3.1.1)
  rails_autolink
  rake (= 0.9.2)
  ri_cal
  rspec-rails
  ruby-prof
  rubyzip2
  sanitize
  simple_form (~> 1.5)
  simplecov (~> 0.5)
  sitemap_generator (~> 2.1)
  spork (~> 0.9.0.rc9)
  state_machine
  strongbox (>= 0.4.8)
  sunspot_rails (~> 1.3.0.rc4)
  sunspot_solr (~> 1.3.0.rc4)
  system_timer
  timecop
  validates_timeliness
  vidibus-routing_error!
  whenever (~> 0.6.8)
  will_paginate (~> 3.0)
  zipruby
